

GROUP androidxapp
RESTRICTION: == monoandroid10.0
NUGET
  remote: https://www.nuget.org/api/v2
    FSharp.Core (5.0.2)
    FSharp.Data (4.1.1)
      FSharp.Core (>= 4.7.2)
    Microsoft.NETCore.Platforms (5.0.2)
    NETStandard.Library (2.0.3)
      Microsoft.NETCore.Platforms (>= 1.1)
    Newtonsoft.Json (13.0.1)
    OxyPlot.Core (2.0)
      NETStandard.Library (>= 1.6.1)
    OxyPlot.Xamarin.Android (1.0)
      OxyPlot.Core (>= 1.0)
    OxyPlot.Xamarin.Forms (1.0)
      OxyPlot.Xamarin.Android (>= 1.0)
      Xamarin.Forms (>= 2.3.3.180)
    Plugin.MediaManager (1.0.9)
      Xam.Plugins.Android.ExoPlayer (>= 2.11.8)
      Xam.Plugins.Android.ExoPlayer.MediaSession (>= 2.11.8)
    Plugin.MediaManager.Forms (1.0.9)
      Plugin.MediaManager (>= 1.0.9)
      Xamarin.Forms (>= 4.5.0.657)
    SkiaSharp (1.68.3)
    SkiaSharp.Views (1.68.3)
      SkiaSharp (>= 1.68.3)
    SkiaSharp.Views.Forms (1.68.3)
      SkiaSharp (>= 1.68.3)
      SkiaSharp.Views (>= 1.68.3)
      Xamarin.Forms (>= 4.4.0.991757)
    System.Buffers (4.5.1)
    System.ComponentModel (4.3)
    System.Numerics.Vectors (4.5)
    Xam.Plugins.Android.ExoPlayer (2.11.8)
      Xam.Plugins.Android.ExoPlayer.Core (>= 2.11.8)
      Xam.Plugins.Android.ExoPlayer.Dash (>= 2.11.8)
      Xam.Plugins.Android.ExoPlayer.Hls (>= 2.11.8)
      Xam.Plugins.Android.ExoPlayer.SmoothStreaming (>= 2.11.8)
      Xam.Plugins.Android.ExoPlayer.UI (>= 2.11.8)
    Xam.Plugins.Android.ExoPlayer.Core (2.11.8)
      Xamarin.AndroidX.Annotation (>= 1.1.0.1)
    Xam.Plugins.Android.ExoPlayer.Dash (2.11.8)
      Xam.Plugins.Android.ExoPlayer.Core (>= 2.11.8)
    Xam.Plugins.Android.ExoPlayer.Hls (2.11.8)
      Xam.Plugins.Android.ExoPlayer.Core (>= 2.11.8)
    Xam.Plugins.Android.ExoPlayer.MediaSession (2.11.8)
      Xam.Plugins.Android.ExoPlayer.Core (>= 2.11.8)
      Xamarin.AndroidX.Media (>= 1.1.0.1)
    Xam.Plugins.Android.ExoPlayer.SmoothStreaming (2.11.8)
      Xam.Plugins.Android.ExoPlayer.Core (>= 2.11.8)
    Xam.Plugins.Android.ExoPlayer.UI (2.11.8)
      Xam.Plugins.Android.ExoPlayer.Core (>= 2.11.8)
      Xamarin.AndroidX.Media (>= 1.1.0.1)
    Xamarin.Android.FSharp.ResourceProvider (1.0.1)
    Xamarin.AndroidX.Activity (1.2.2)
      Xamarin.AndroidX.Annotation (>= 1.2)
      Xamarin.AndroidX.Core (>= 1.3.2.3)
      Xamarin.AndroidX.Lifecycle.Runtime (>= 2.3.1)
      Xamarin.AndroidX.Lifecycle.ViewModel (>= 2.3.1)
      Xamarin.AndroidX.Lifecycle.ViewModelSavedState (>= 2.3.1)
      Xamarin.AndroidX.SavedState (>= 1.1.0.1)
    Xamarin.AndroidX.Annotation (1.2)
      Xamarin.AndroidX.Migration (>= 1.0.8)
    Xamarin.AndroidX.Annotation.Experimental (1.1)
    Xamarin.AndroidX.AppCompat (1.2.0.7)
      Xamarin.AndroidX.Annotation (>= 1.1.0.9)
      Xamarin.AndroidX.AppCompat.AppCompatResources (>= 1.2.0.7)
      Xamarin.AndroidX.Core (>= 1.3.2.3)
      Xamarin.AndroidX.CursorAdapter (>= 1.0.0.7)
      Xamarin.AndroidX.DrawerLayout (>= 1.1.1.2)
      Xamarin.AndroidX.Fragment (>= 1.3.0.1)
    Xamarin.AndroidX.AppCompat.AppCompatResources (1.2.0.7)
      Xamarin.AndroidX.Annotation (>= 1.1.0.9)
      Xamarin.AndroidX.Core (>= 1.3.2.3)
      Xamarin.AndroidX.VectorDrawable (>= 1.1.0.7)
      Xamarin.AndroidX.VectorDrawable.Animated (>= 1.1.0.7)
    Xamarin.AndroidX.Arch.Core.Common (2.1.0.8)
      Xamarin.AndroidX.Annotation (>= 1.1.0.9)
    Xamarin.AndroidX.Arch.Core.Runtime (2.1.0.8)
      Xamarin.AndroidX.Annotation (>= 1.1.0.9)
      Xamarin.AndroidX.Arch.Core.Common (>= 2.1.0.8)
    Xamarin.AndroidX.AsyncLayoutInflater (1.0.0.7)
      Xamarin.AndroidX.Annotation (>= 1.1.0.9)
      Xamarin.AndroidX.Core (>= 1.3.2.3)
    Xamarin.AndroidX.Browser (1.3.0.5)
      Xamarin.AndroidX.Annotation (>= 1.1.0.9)
      Xamarin.AndroidX.Core (>= 1.3.2.3)
      Xamarin.Google.Guava.ListenableFuture (>= 1.0.0.2)
    Xamarin.AndroidX.CardView (1.0.0.8)
      Xamarin.AndroidX.Annotation (>= 1.1.0.9)
    Xamarin.AndroidX.Collection (1.1.0.7)
      Xamarin.AndroidX.Annotation (>= 1.1.0.9)
    Xamarin.AndroidX.CoordinatorLayout (1.1.0.7)
      Xamarin.AndroidX.Annotation (>= 1.1.0.9)
      Xamarin.AndroidX.Collection (>= 1.1.0.7)
      Xamarin.AndroidX.Core (>= 1.3.2.3)
      Xamarin.AndroidX.CustomView (>= 1.1.0.6)
    Xamarin.AndroidX.Core (1.3.2.3)
      Xamarin.AndroidX.Annotation (>= 1.1.0.9)
      Xamarin.AndroidX.Lifecycle.Runtime (>= 2.3.0.1)
      Xamarin.AndroidX.VersionedParcelable (>= 1.1.1.7)
    Xamarin.AndroidX.CursorAdapter (1.0.0.7)
      Xamarin.AndroidX.Annotation (>= 1.1.0.9)
    Xamarin.AndroidX.CustomView (1.1.0.6)
      Xamarin.AndroidX.Annotation (>= 1.1.0.9)
      Xamarin.AndroidX.Core (>= 1.3.2.3)
    Xamarin.AndroidX.DocumentFile (1.0.1.7)
      Xamarin.AndroidX.Annotation (>= 1.1.0.9)
    Xamarin.AndroidX.DrawerLayout (1.1.1.2)
      Xamarin.AndroidX.Annotation (>= 1.1.0.9)
      Xamarin.AndroidX.Core (>= 1.3.2.3)
      Xamarin.AndroidX.CustomView (>= 1.1.0.6)
    Xamarin.AndroidX.Fragment (1.3.3)
      Xamarin.AndroidX.Activity (>= 1.2.2)
      Xamarin.AndroidX.Annotation (>= 1.2)
      Xamarin.AndroidX.Annotation.Experimental (>= 1.1)
      Xamarin.AndroidX.Collection (>= 1.1.0.7)
      Xamarin.AndroidX.Core (>= 1.3.2.3)
      Xamarin.AndroidX.Lifecycle.LiveData.Core (>= 2.3.1)
      Xamarin.AndroidX.Lifecycle.ViewModel (>= 2.3.1)
      Xamarin.AndroidX.Lifecycle.ViewModelSavedState (>= 2.3.1)
      Xamarin.AndroidX.Loader (>= 1.1.0.7)
      Xamarin.AndroidX.SavedState (>= 1.1.0.1)
      Xamarin.AndroidX.ViewPager (>= 1.0.0.7)
    Xamarin.AndroidX.Interpolator (1.0.0.7)
      Xamarin.AndroidX.Annotation (>= 1.1.0.9)
    Xamarin.AndroidX.Legacy.Support.Core.UI (1.0.0.8)
      Xamarin.AndroidX.Annotation (>= 1.1.0.9)
      Xamarin.AndroidX.AsyncLayoutInflater (>= 1.0.0.7)
      Xamarin.AndroidX.CoordinatorLayout (>= 1.1.0.7)
      Xamarin.AndroidX.Core (>= 1.3.2.3)
      Xamarin.AndroidX.CursorAdapter (>= 1.0.0.7)
      Xamarin.AndroidX.CustomView (>= 1.1.0.6)
      Xamarin.AndroidX.DrawerLayout (>= 1.1.1.2)
      Xamarin.AndroidX.Interpolator (>= 1.0.0.7)
      Xamarin.AndroidX.Legacy.Support.Core.Utils (>= 1.0.0.7)
      Xamarin.AndroidX.SlidingPaneLayout (>= 1.1.0.2)
      Xamarin.AndroidX.SwipeRefreshLayout (>= 1.1.0.2)
      Xamarin.AndroidX.ViewPager (>= 1.0.0.7)
    Xamarin.AndroidX.Legacy.Support.Core.Utils (1.0.0.7)
      Xamarin.AndroidX.Annotation (>= 1.1.0.9)
      Xamarin.AndroidX.Core (>= 1.3.2.3)
      Xamarin.AndroidX.DocumentFile (>= 1.0.1.7)
      Xamarin.AndroidX.Loader (>= 1.1.0.7)
      Xamarin.AndroidX.LocalBroadcastManager (>= 1.0.0.7)
      Xamarin.AndroidX.Print (>= 1.0.0.7)
    Xamarin.AndroidX.Legacy.Support.V4 (1.0.0.7)
      Xamarin.AndroidX.Core (>= 1.3.2.3)
      Xamarin.AndroidX.Fragment (>= 1.3.0.1)
      Xamarin.AndroidX.Legacy.Support.Core.UI (>= 1.0.0.8)
      Xamarin.AndroidX.Legacy.Support.Core.Utils (>= 1.0.0.7)
      Xamarin.AndroidX.Media (>= 1.2.1.2)
    Xamarin.AndroidX.Lifecycle.Common (2.3.1)
      Xamarin.AndroidX.Annotation (>= 1.2)
    Xamarin.AndroidX.Lifecycle.LiveData (2.2.0.4)
      Xamarin.AndroidX.Arch.Core.Common (>= 2.1.0.7)
      Xamarin.AndroidX.Arch.Core.Runtime (>= 2.1.0.7)
      Xamarin.AndroidX.Lifecycle.LiveData.Core (>= 2.2.0.4)
    Xamarin.AndroidX.Lifecycle.LiveData.Core (2.3.1)
      Xamarin.AndroidX.Lifecycle.Common (>= 2.3.1)
    Xamarin.AndroidX.Lifecycle.Runtime (2.3.1.1)
      Xamarin.AndroidX.Annotation (>= 1.2)
      Xamarin.AndroidX.Arch.Core.Common (>= 2.1.0.8)
      Xamarin.AndroidX.Arch.Core.Runtime (>= 2.1.0.8)
      Xamarin.AndroidX.Lifecycle.Common (>= 2.3.1)
    Xamarin.AndroidX.Lifecycle.ViewModel (2.3.1)
      Xamarin.AndroidX.Annotation (>= 1.2)
    Xamarin.AndroidX.Lifecycle.ViewModelSavedState (2.3.1)
      Xamarin.AndroidX.Annotation (>= 1.2)
      Xamarin.AndroidX.Lifecycle.LiveData.Core (>= 2.3.1)
      Xamarin.AndroidX.Lifecycle.ViewModel (>= 2.3.1)
      Xamarin.AndroidX.SavedState (>= 1.1.0.1)
    Xamarin.AndroidX.Loader (1.1.0.7)
      Xamarin.AndroidX.Annotation (>= 1.1.0.9)
      Xamarin.AndroidX.Collection (>= 1.1.0.7)
      Xamarin.AndroidX.Core (>= 1.3.2.3)
      Xamarin.AndroidX.Lifecycle.LiveData.Core (>= 2.3.0.1)
      Xamarin.AndroidX.Lifecycle.ViewModel (>= 2.3.0.1)
    Xamarin.AndroidX.LocalBroadcastManager (1.0.0.7)
      Xamarin.AndroidX.Annotation (>= 1.1.0.9)
    Xamarin.AndroidX.Media (1.3.1)
      Xamarin.AndroidX.Core (>= 1.3.2.3)
    Xamarin.AndroidX.Migration (1.0.8)
      Xamarin.AndroidX.MultiDex (>= 2.0.1.5)
    Xamarin.AndroidX.MultiDex (2.0.1.7)
    Xamarin.AndroidX.Navigation.Common (2.3.5)
      Xamarin.AndroidX.Annotation (>= 1.2)
    Xamarin.AndroidX.Navigation.Runtime (2.3.5)
      Xamarin.AndroidX.Activity (>= 1.2.2)
      Xamarin.AndroidX.Lifecycle.ViewModel (>= 2.3.1)
      Xamarin.AndroidX.Lifecycle.ViewModelSavedState (>= 2.3.1)
      Xamarin.AndroidX.Navigation.Common (>= 2.3.5)
      Xamarin.AndroidX.SavedState (>= 1.1.0.1)
    Xamarin.AndroidX.Navigation.UI (2.3.3)
      Xamarin.AndroidX.CustomView (>= 1.1.0.4)
      Xamarin.AndroidX.DrawerLayout (>= 1.1.1.1)
      Xamarin.AndroidX.Navigation.Runtime (>= 2.3.3)
      Xamarin.Google.Android.Material (>= 1.2.1.1)
    Xamarin.AndroidX.Preference (1.1.1.8)
      Xamarin.AndroidX.Annotation (>= 1.1.0.9)
      Xamarin.AndroidX.AppCompat (>= 1.2.0.7)
      Xamarin.AndroidX.Collection (>= 1.1.0.7)
      Xamarin.AndroidX.Core (>= 1.3.2.3)
      Xamarin.AndroidX.Fragment (>= 1.3.0.1)
      Xamarin.AndroidX.RecyclerView (>= 1.1.0.8)
    Xamarin.AndroidX.Print (1.0.0.7)
      Xamarin.AndroidX.Annotation (>= 1.1.0.9)
    Xamarin.AndroidX.RecyclerView (1.1.0.8)
      Xamarin.AndroidX.Annotation (>= 1.1.0.9)
      Xamarin.AndroidX.Collection (>= 1.1.0.7)
      Xamarin.AndroidX.Core (>= 1.3.2.3)
      Xamarin.AndroidX.CustomView (>= 1.1.0.6)
    Xamarin.AndroidX.SavedState (1.1.0.1)
      Xamarin.AndroidX.Annotation (>= 1.1.0.9)
      Xamarin.AndroidX.Lifecycle.Common (>= 2.3.0.1)
    Xamarin.AndroidX.SlidingPaneLayout (1.1.0.2)
      Xamarin.AndroidX.Annotation (>= 1.1.0.9)
      Xamarin.AndroidX.CustomView (>= 1.1.0.6)
    Xamarin.AndroidX.SwipeRefreshLayout (1.1.0.2)
      Xamarin.AndroidX.Annotation (>= 1.1.0.9)
      Xamarin.AndroidX.Core (>= 1.3.2.3)
      Xamarin.AndroidX.Interpolator (>= 1.0.0.7)
    Xamarin.AndroidX.Transition (1.4.1)
      Xamarin.AndroidX.Annotation (>= 1.2)
      Xamarin.AndroidX.Core (>= 1.3.2.3)
      Xamarin.AndroidX.Fragment (>= 1.3.3)
    Xamarin.AndroidX.VectorDrawable (1.1.0.7)
      Xamarin.AndroidX.Annotation (>= 1.1.0.9)
      Xamarin.AndroidX.Collection (>= 1.1.0.7)
      Xamarin.AndroidX.Core (>= 1.3.2.3)
    Xamarin.AndroidX.VectorDrawable.Animated (1.1.0.7)
      Xamarin.AndroidX.Collection (>= 1.1.0.7)
      Xamarin.AndroidX.Interpolator (>= 1.0.0.7)
      Xamarin.AndroidX.VectorDrawable (>= 1.1.0.7)
    Xamarin.AndroidX.VersionedParcelable (1.1.1.7)
      Xamarin.AndroidX.Annotation (>= 1.1.0.9)
      Xamarin.AndroidX.Collection (>= 1.1.0.7)
    Xamarin.AndroidX.ViewPager (1.0.0.7)
      Xamarin.AndroidX.Annotation (>= 1.1.0.9)
      Xamarin.AndroidX.Core (>= 1.3.2.3)
      Xamarin.AndroidX.CustomView (>= 1.1.0.6)
    Xamarin.AndroidX.ViewPager2 (1.0.0.9)
      Xamarin.AndroidX.Annotation (>= 1.1.0.9)
      Xamarin.AndroidX.Collection (>= 1.1.0.7)
      Xamarin.AndroidX.Core (>= 1.3.2.3)
      Xamarin.AndroidX.Fragment (>= 1.3.0.1)
      Xamarin.AndroidX.RecyclerView (>= 1.1.0.8)
    Xamarin.Build.Download (0.10)
    Xamarin.Essentials (1.7)
      System.Numerics.Vectors (>= 4.5)
      Xamarin.AndroidX.Browser (>= 1.3.0.5 < 1.4)
    Xamarin.FFImageLoading (2.4.11.982)
    Xamarin.FFImageLoading.Forms (2.4.11.982)
      Xamarin.FFImageLoading (>= 2.4.11.982)
      Xamarin.Forms (>= 3.3.0.912540)
    Xamarin.Forms (5.0.0.2083)
      Xamarin.AndroidX.Browser (>= 1.3.0.5 < 1.4)
      Xamarin.AndroidX.Core (>= 1.3.2.3 < 1.4)
      Xamarin.AndroidX.CustomView (>= 1.1.0.6 < 1.2)
      Xamarin.AndroidX.Legacy.Support.V4 (>= 1.0.0.7 < 1.1)
      Xamarin.AndroidX.Lifecycle.LiveData (>= 2.2.0.4 < 2.3)
      Xamarin.AndroidX.Navigation.UI (>= 2.3.2.1 < 2.4)
      Xamarin.AndroidX.Preference (>= 1.1.1.8 < 1.2)
      Xamarin.AndroidX.RecyclerView (>= 1.1.0.8 < 1.2)
      Xamarin.Google.Android.Material (>= 1.2.1.1 < 1.3)
    Xamarin.Forms.Maps (5.0.0.2083)
      Xamarin.Forms (>= 5.0.0.2083)
      Xamarin.GooglePlayServices.Maps (>= 117.0)
    Xamarin.Forms.PancakeView (2.3.0.759)
      System.ComponentModel (>= 4.3)
      Xamarin.AndroidX.AppCompat (>= 1.2.0.4)
      Xamarin.Forms (>= 4.8.0.1451)
    Xamarin.Google.Android.Material (1.2.1.1)
      Xamarin.AndroidX.Annotation (>= 1.1.0.8)
      Xamarin.AndroidX.Annotation.Experimental (>= 1.0.0.8)
      Xamarin.AndroidX.AppCompat (>= 1.2.0.6)
      Xamarin.AndroidX.CardView (>= 1.0.0.6)
      Xamarin.AndroidX.CoordinatorLayout (>= 1.1.0.6)
      Xamarin.AndroidX.Core (>= 1.3.2.1)
      Xamarin.AndroidX.Fragment (>= 1.2.5.4)
      Xamarin.AndroidX.Lifecycle.Runtime (>= 2.2.0.4)
      Xamarin.AndroidX.RecyclerView (>= 1.1.0.6)
      Xamarin.AndroidX.Transition (>= 1.3.1.6)
      Xamarin.AndroidX.VectorDrawable (>= 1.1.0.6)
      Xamarin.AndroidX.ViewPager2 (>= 1.0.0.8)
    Xamarin.Google.Guava.ListenableFuture (1.0.0.3)
    Xamarin.GooglePlayServices.Base (117.6)
      Xamarin.AndroidX.Collection (>= 1.1.0.1)
      Xamarin.AndroidX.Core (>= 1.2.0.1)
      Xamarin.AndroidX.Fragment (>= 1.1.0.1)
      Xamarin.Build.Download (>= 0.10)
      Xamarin.GooglePlayServices.Basement (>= 117.6)
      Xamarin.GooglePlayServices.Tasks (>= 117.2.1)
    Xamarin.GooglePlayServices.Basement (117.6.0.1)
      Xamarin.AndroidX.Collection (>= 1.1.0.7)
      Xamarin.AndroidX.Core (>= 1.3.2.3)
      Xamarin.AndroidX.Fragment (>= 1.3.2)
      Xamarin.Build.Download (>= 0.10)
    Xamarin.GooglePlayServices.Maps (117.0.1)
      Xamarin.AndroidX.Fragment (>= 1.3.2)
      Xamarin.Build.Download (>= 0.10)
      Xamarin.GooglePlayServices.Base (>= 117.6)
      Xamarin.GooglePlayServices.Basement (>= 117.6)
    Xamarin.GooglePlayServices.Tasks (117.2.1)
      Xamarin.Build.Download (>= 0.10)
      Xamarin.GooglePlayServices.Basement (>= 117.6)

GROUP fakebuild
STORAGE: NONE
RESTRICTION: == netstandard2.0
NUGET
  remote: https://www.nuget.org/api/v2
    BlackFox.VsWhere (1.1)
      FSharp.Core (>= 4.2.3)
      Microsoft.Win32.Registry (>= 4.7)
    Fake.Api.GitHub (5.20.4)
      FSharp.Core (>= 4.7.2)
      Octokit (>= 0.48)
    Fake.Core.CommandLineParsing (5.20.4)
      FParsec (>= 1.1.1)
      FSharp.Core (>= 4.7.2)
    Fake.Core.Context (5.20.4)
      FSharp.Core (>= 4.7.2)
    Fake.Core.Environment (5.20.4)
      FSharp.Core (>= 4.7.2)
    Fake.Core.FakeVar (5.20.4)
      Fake.Core.Context (>= 5.20.4)
      FSharp.Core (>= 4.7.2)
    Fake.Core.Process (5.20.4)
      Fake.Core.Environment (>= 5.20.4)
      Fake.Core.FakeVar (>= 5.20.4)
      Fake.Core.String (>= 5.20.4)
      Fake.Core.Trace (>= 5.20.4)
      Fake.IO.FileSystem (>= 5.20.4)
      FSharp.Core (>= 4.7.2)
      System.Collections.Immutable (>= 1.7.1)
    Fake.Core.ReleaseNotes (5.20.4)
      Fake.Core.SemVer (>= 5.20.4)
      Fake.Core.String (>= 5.20.4)
      FSharp.Core (>= 4.7.2)
    Fake.Core.SemVer (5.20.4)
      FSharp.Core (>= 4.7.2)
    Fake.Core.String (5.20.4)
      FSharp.Core (>= 4.7.2)
    Fake.Core.Target (5.20.4)
      Fake.Core.CommandLineParsing (>= 5.20.4)
      Fake.Core.Context (>= 5.20.4)
      Fake.Core.Environment (>= 5.20.4)
      Fake.Core.FakeVar (>= 5.20.4)
      Fake.Core.Process (>= 5.20.4)
      Fake.Core.String (>= 5.20.4)
      Fake.Core.Trace (>= 5.20.4)
      FSharp.Control.Reactive (>= 4.4.2)
      FSharp.Core (>= 4.7.2)
    Fake.Core.Tasks (5.20.4)
      Fake.Core.Trace (>= 5.20.4)
      FSharp.Core (>= 4.7.2)
    Fake.Core.Trace (5.20.4)
      Fake.Core.Environment (>= 5.20.4)
      Fake.Core.FakeVar (>= 5.20.4)
      FSharp.Core (>= 4.7.2)
    Fake.Core.Xml (5.20.4)
      Fake.Core.String (>= 5.20.4)
      FSharp.Core (>= 4.7.2)
    Fake.DotNet.Cli (5.20.4)
      Fake.Core.Environment (>= 5.20.4)
      Fake.Core.Process (>= 5.20.4)
      Fake.Core.String (>= 5.20.4)
      Fake.Core.Trace (>= 5.20.4)
      Fake.DotNet.MSBuild (>= 5.20.4)
      Fake.DotNet.NuGet (>= 5.20.4)
      Fake.IO.FileSystem (>= 5.20.4)
      FSharp.Core (>= 4.7.2)
      Mono.Posix.NETStandard (>= 1.0)
      Newtonsoft.Json (>= 12.0.3)
    Fake.DotNet.MSBuild (5.20.4)
      BlackFox.VsWhere (>= 1.1)
      Fake.Core.Environment (>= 5.20.4)
      Fake.Core.Process (>= 5.20.4)
      Fake.Core.String (>= 5.20.4)
      Fake.Core.Trace (>= 5.20.4)
      Fake.IO.FileSystem (>= 5.20.4)
      FSharp.Core (>= 4.7.2)
      MSBuild.StructuredLogger (>= 2.1.176)
    Fake.DotNet.NuGet (5.20.4)
      Fake.Core.Environment (>= 5.20.4)
      Fake.Core.Process (>= 5.20.4)
      Fake.Core.SemVer (>= 5.20.4)
      Fake.Core.String (>= 5.20.4)
      Fake.Core.Tasks (>= 5.20.4)
      Fake.Core.Trace (>= 5.20.4)
      Fake.Core.Xml (>= 5.20.4)
      Fake.IO.FileSystem (>= 5.20.4)
      Fake.Net.Http (>= 5.20.4)
      FSharp.Core (>= 4.7.2)
      Newtonsoft.Json (>= 12.0.3)
      NuGet.Protocol (>= 5.6)
    Fake.IO.FileSystem (5.20.4)
      Fake.Core.String (>= 5.20.4)
      FSharp.Core (>= 4.7.2)
    Fake.Net.Http (5.20.4)
      Fake.Core.Trace (>= 5.20.4)
      FSharp.Core (>= 4.7.2)
    FParsec (1.1.1)
      FSharp.Core (>= 4.3.4)
    FSharp.Control.Reactive (5.0.2)
      FSharp.Core (>= 4.7.2)
      System.Reactive (>= 5.0)
    FSharp.Core (4.7.2)
    Microsoft.Build (16.10)
    Microsoft.Build.Framework (16.10)
      System.Security.Permissions (>= 4.7)
    Microsoft.Build.Tasks.Core (16.10)
      Microsoft.Build.Framework (>= 16.10)
      Microsoft.Build.Utilities.Core (>= 16.10)
      Microsoft.NET.StringTools (>= 1.0)
      Microsoft.Win32.Registry (>= 4.3)
      System.CodeDom (>= 4.4)
      System.Collections.Immutable (>= 5.0)
      System.Reflection.Metadata (>= 1.6)
      System.Resources.Extensions (>= 4.6)
      System.Security.Cryptography.Pkcs (>= 4.7)
      System.Security.Cryptography.Xml (>= 4.7)
      System.Security.Permissions (>= 4.7)
      System.Threading.Tasks.Dataflow (>= 4.9)
    Microsoft.Build.Utilities.Core (16.10)
      Microsoft.Build.Framework (>= 16.10)
      Microsoft.NET.StringTools (>= 1.0)
      Microsoft.Win32.Registry (>= 4.3)
      System.Collections.Immutable (>= 5.0)
      System.Configuration.ConfigurationManager (>= 4.7)
      System.Security.Permissions (>= 4.7)
      System.Text.Encoding.CodePages (>= 4.0.1)
    Microsoft.NET.StringTools (1.0)
      System.Memory (>= 4.5.4)
      System.Runtime.CompilerServices.Unsafe (>= 5.0)
    Microsoft.NETCore.Platforms (5.0.2)
    Microsoft.NETCore.Targets (5.0)
    Microsoft.Win32.Registry (5.0)
      System.Buffers (>= 4.5.1)
      System.Memory (>= 4.5.4)
      System.Security.AccessControl (>= 5.0)
      System.Security.Principal.Windows (>= 5.0)
    Mono.Posix.NETStandard (1.0)
    MSBuild.StructuredLogger (2.1.507)
      Microsoft.Build (>= 16.4)
      Microsoft.Build.Framework (>= 16.4)
      Microsoft.Build.Tasks.Core (>= 16.4)
      Microsoft.Build.Utilities.Core (>= 16.4)
    Newtonsoft.Json (13.0.1)
    NuGet.Common (5.10)
      NuGet.Frameworks (>= 5.10)
    NuGet.Configuration (5.10)
      NuGet.Common (>= 5.10)
      System.Security.Cryptography.ProtectedData (>= 4.4)
    NuGet.Frameworks (5.10)
    NuGet.Packaging (5.10)
      Newtonsoft.Json (>= 9.0.1)
      NuGet.Configuration (>= 5.10)
      NuGet.Versioning (>= 5.10)
      System.Security.Cryptography.Cng (>= 5.0)
      System.Security.Cryptography.Pkcs (>= 5.0)
    NuGet.Protocol (5.10)
      NuGet.Packaging (>= 5.10)
    NuGet.Versioning (5.10)
    Octokit (0.50)
    System.Buffers (4.5.1)
    System.CodeDom (5.0)
    System.Collections.Immutable (5.0)
      System.Memory (>= 4.5.4)
    System.Configuration.ConfigurationManager (5.0)
      System.Security.Cryptography.ProtectedData (>= 5.0)
      System.Security.Permissions (>= 5.0)
    System.Formats.Asn1 (5.0)
      System.Buffers (>= 4.5.1)
      System.Memory (>= 4.5.4)
    System.Memory (4.5.4)
      System.Buffers (>= 4.5.1)
      System.Numerics.Vectors (>= 4.4)
      System.Runtime.CompilerServices.Unsafe (>= 4.5.3)
    System.Numerics.Vectors (4.5)
    System.Reactive (5.0)
      System.Runtime.InteropServices.WindowsRuntime (>= 4.3)
      System.Threading.Tasks.Extensions (>= 4.5.4)
    System.Reflection.Metadata (5.0)
      System.Collections.Immutable (>= 5.0)
    System.Resources.Extensions (5.0)
      System.Memory (>= 4.5.4)
    System.Runtime (4.3.1)
      Microsoft.NETCore.Platforms (>= 1.1.1)
      Microsoft.NETCore.Targets (>= 1.1.3)
    System.Runtime.CompilerServices.Unsafe (5.0)
    System.Runtime.InteropServices.WindowsRuntime (4.3)
      System.Runtime (>= 4.3)
    System.Security.AccessControl (5.0)
      System.Security.Principal.Windows (>= 5.0)
    System.Security.Cryptography.Cng (5.0)
    System.Security.Cryptography.Pkcs (5.0.1)
      System.Buffers (>= 4.5.1)
      System.Formats.Asn1 (>= 5.0)
      System.Memory (>= 4.5.4)
      System.Security.Cryptography.Cng (>= 5.0)
    System.Security.Cryptography.ProtectedData (5.0)
      System.Memory (>= 4.5.4)
    System.Security.Cryptography.Xml (5.0)
      System.Memory (>= 4.5.4)
      System.Security.Cryptography.Pkcs (>= 5.0)
      System.Security.Permissions (>= 5.0)
    System.Security.Permissions (5.0)
      System.Security.AccessControl (>= 5.0)
    System.Security.Principal.Windows (5.0)
    System.Text.Encoding.CodePages (5.0)
      System.Runtime.CompilerServices.Unsafe (>= 5.0)
    System.Threading.Tasks.Dataflow (5.0)
    System.Threading.Tasks.Extensions (4.5.4)
      System.Runtime.CompilerServices.Unsafe (>= 4.5.3)

GROUP generator
RESTRICTION: == netstandard2.0
NUGET
  remote: https://www.nuget.org/api/v2
    Microsoft.NETCore.Platforms (5.0.2)
    NETStandard.Library (2.0.3)
      Microsoft.NETCore.Platforms (>= 1.1)
    OxyPlot.Core (2.0)
      NETStandard.Library (>= 1.6.1)
    OxyPlot.Xamarin.Forms (1.0)
      OxyPlot.Core (>= 1.0)
      Xamarin.Forms (>= 2.3.3.180)
    Plugin.MediaManager (1.0.9)
    Plugin.MediaManager.Forms (0.9.6)
      Plugin.MediaManager (>= 0.9.6)
      Xamarin.Forms (>= 4.2.0.815419)
    SkiaSharp (2.80.3)
      System.Memory (>= 4.5.3)
    SkiaSharp.Views.Forms (1.68.1)
      SkiaSharp (>= 1.68.1)
      Xamarin.Forms (>= 4.0.0.540366)
    System.Buffers (4.5.1)
    System.Memory (4.5.4)
      System.Buffers (>= 4.5.1)
      System.Numerics.Vectors (>= 4.4)
      System.Runtime.CompilerServices.Unsafe (>= 4.5.3)
    System.Numerics.Vectors (4.5)
    System.Runtime.CompilerServices.Unsafe (5.0)
    Xamarin.FFImageLoading (2.4.11.982)
    Xamarin.FFImageLoading.Forms (2.4.11.982)
      Xamarin.FFImageLoading (>= 2.4.11.982)
      Xamarin.Forms (>= 3.3.0.912540)
    Xamarin.Forms (5.0.0.1874)
    Xamarin.Forms.Maps (5.0.0.1874)
      Xamarin.Forms (>= 5.0.0.1874)
    Xamarin.Forms.PancakeView (1.3.6)
      Xamarin.Forms (>= 3.6.0.220655)

GROUP gtkapp
RESTRICTION: == net471
NUGET
  remote: https://www.nuget.org/api/v2
    FSharp.Core (5.0.2)
    FSharp.Data (4.1.1)
      FSharp.Core (>= 4.7.2)
    Newtonsoft.Json (13.0.1)
    OpenTK (3.3.1)
    OpenTK.GLControl (3.1)
      OpenTK (>= 3.1)
    OxyPlot.Core (2.0)
    OxyPlot.Xamarin.Forms (1.0)
      OxyPlot.Core (>= 1.0)
      Xamarin.Forms (>= 2.3.3.180)
    Plugin.MediaManager (1.0.9)
    Plugin.MediaManager.Forms (1.0.9)
      Plugin.MediaManager (>= 1.0.9)
      Xamarin.Forms (>= 4.5.0.657)
    SkiaSharp (1.68.3)
      System.Memory (>= 4.5.3)
    SkiaSharp.Views (1.68.3)
      SkiaSharp (>= 1.68.3)
      SkiaSharp.Views.Desktop.Common (>= 1.68.3)
      SkiaSharp.Views.Gtk2 (>= 1.68.3)
      SkiaSharp.Views.WindowsForms (>= 1.68.3)
      SkiaSharp.Views.WPF (>= 1.68.3)
    SkiaSharp.Views.Desktop.Common (1.68.3)
      SkiaSharp (>= 1.68.3)
    SkiaSharp.Views.Forms (1.68.3)
      SkiaSharp (>= 1.68.3)
      Xamarin.Forms (>= 4.4.0.991757)
    SkiaSharp.Views.Gtk2 (1.68.3)
      SkiaSharp (>= 1.68.3)
      SkiaSharp.Views.Desktop.Common (>= 1.68.3)
    SkiaSharp.Views.WindowsForms (1.68.3)
      OpenTK (>= 3.0.1)
      OpenTK.GLControl (>= 3.0.1)
      SkiaSharp (>= 1.68.3)
      SkiaSharp.Views.Desktop.Common (>= 1.68.3)
    SkiaSharp.Views.WPF (1.68.3)
      SkiaSharp (>= 1.68.3)
      SkiaSharp.Views.Desktop.Common (>= 1.68.3)
    System.Buffers (4.5.1)
    System.ComponentModel (4.3)
    System.Memory (4.5.4)
      System.Buffers (>= 4.5.1)
      System.Numerics.Vectors (>= 4.5)
      System.Runtime.CompilerServices.Unsafe (>= 4.5.3)
    System.Numerics.Vectors (4.5)
    System.Runtime.CompilerServices.Unsafe (5.0)
    Xamarin.Essentials (1.7)
      System.Numerics.Vectors (>= 4.5)
    Xamarin.FFImageLoading (2.4.11.982)
    Xamarin.FFImageLoading.Forms (2.4.11.982)
      Xamarin.FFImageLoading (>= 2.4.11.982)
      Xamarin.Forms (>= 3.3.0.912540)
    Xamarin.Forms (5.0.0.2083)
    Xamarin.Forms.Maps (5.0.0.2083)
      Xamarin.Forms (>= 5.0.0.2083)
    Xamarin.Forms.Maps.GTK (5.0.0.2083)
      Xamarin.Forms (>= 5.0.0.2083)
      Xamarin.Forms.Maps (>= 5.0.0.2083)
    Xamarin.Forms.PancakeView (2.3.0.759)
      System.ComponentModel (>= 4.3)
      Xamarin.Forms (>= 4.8.0.1451)
      Xamarin.Forms.Platform.GTK (>= 4.8.0.1451)
    Xamarin.Forms.Platform.GTK (5.0.0.2083)
      OpenTK (>= 3.0.1)
      Xamarin.Forms (>= 5.0.0.2083)

GROUP iosapp
RESTRICTION: == xamarinios
NUGET
  remote: https://www.nuget.org/api/v2
    FSharp.Core (5.0.2)
    FSharp.Data (4.1.1)
      FSharp.Core (>= 4.7.2)
    Microsoft.NETCore.Platforms (5.0.2)
    NETStandard.Library (2.0.3)
      Microsoft.NETCore.Platforms (>= 1.1)
    Newtonsoft.Json (13.0.1)
    OxyPlot.Core (2.0)
      NETStandard.Library (>= 1.6.1)
    OxyPlot.Xamarin.Forms (1.0)
      OxyPlot.Xamarin.iOS (>= 1.0)
      Xamarin.Forms (>= 2.3.3.180)
    OxyPlot.Xamarin.iOS (1.0)
      OxyPlot.Core (>= 1.0)
    Plugin.MediaManager (1.0.9)
    Plugin.MediaManager.Forms (1.0.9)
      Plugin.MediaManager (>= 1.0.9)
      Xamarin.Forms (>= 4.5.0.657)
    SkiaSharp (1.68.3)
    SkiaSharp.Views (1.68.3)
      SkiaSharp (>= 1.68.3)
    SkiaSharp.Views.Forms (1.68.3)
      SkiaSharp (>= 1.68.3)
      SkiaSharp.Views (>= 1.68.3)
      Xamarin.Forms (>= 4.4.0.991757)
    System.Buffers (4.5.1)
    System.ComponentModel (4.3)
    System.Numerics.Vectors (4.5)
    WebP.Touch (1.0.8)
    Xamarin.Essentials (1.7)
      System.Numerics.Vectors (>= 4.5)
    Xamarin.FFImageLoading (2.4.11.982)
      WebP.Touch (>= 1.0.8)
    Xamarin.FFImageLoading.Forms (2.4.11.982)
      Xamarin.FFImageLoading (>= 2.4.11.982)
      Xamarin.Forms (>= 3.3.0.912540)
    Xamarin.Forms (5.0.0.2083)
    Xamarin.Forms.Maps (5.0.0.2083)
      Xamarin.Forms (>= 5.0.0.2083)
    Xamarin.Forms.PancakeView (2.3.0.759)
      System.ComponentModel (>= 4.3)
      Xamarin.Forms (>= 4.8.0.1451)

GROUP macosapp
RESTRICTION: == xamarinmac
NUGET
  remote: https://www.nuget.org/api/v2
    FSharp.Core (5.0.2)
    FSharp.Data (4.1.1)
      FSharp.Core (>= 4.7.2)
    Microsoft.NETCore.Platforms (5.0.2)
    NETStandard.Library (2.0.3)
      Microsoft.NETCore.Platforms (>= 1.1)
    Newtonsoft.Json (13.0.1)
    OxyPlot.Core (2.0)
      NETStandard.Library (>= 1.6.1)
    OxyPlot.Xamarin.Forms (1.0)
      OxyPlot.Core (>= 1.0)
      Xamarin.Forms (>= 2.3.3.180)
    Plugin.MediaManager (1.0.9)
    Plugin.MediaManager.Forms (1.0.9)
      Plugin.MediaManager (>= 1.0.9)
      Xamarin.Forms (>= 4.5.0.657)
    SkiaSharp (1.68.3)
    SkiaSharp.Views (1.68.3)
      SkiaSharp (>= 1.68.3)
    SkiaSharp.Views.Forms (1.68.3)
      SkiaSharp (>= 1.68.3)
      SkiaSharp.Views (>= 1.68.3)
      Xamarin.Forms (>= 4.4.0.991757)
    System.Buffers (4.5.1)
    System.ComponentModel (4.3)
    WebP.Touch (1.0.8)
    Xamarin.Essentials (1.7)
    Xamarin.FFImageLoading (2.4.11.982)
      WebP.Touch (>= 1.0.8)
    Xamarin.FFImageLoading.Forms (2.4.11.982)
      Xamarin.FFImageLoading (>= 2.4.11.982)
      Xamarin.Forms (>= 3.3.0.912540)
    Xamarin.Forms (5.0.0.2083)
    Xamarin.Forms.Maps (5.0.0.2083)
      Xamarin.Forms (>= 5.0.0.2083)
    Xamarin.Forms.PancakeView (2.3.0.759)
      System.ComponentModel (>= 4.3)
      Xamarin.Forms (>= 4.8.0.1451)

GROUP neutral
RESTRICTION: == netstandard2.0
GITHUB
  remote: fsprojects/FSharp.Compiler.PortaCode
    src/CodeModel.fs (af2113756825113643ece9690369169f8b8215e8)
    src/FromCompilerService.fs (af2113756825113643ece9690369169f8b8215e8)
    src/Interpreter.fs (af2113756825113643ece9690369169f8b8215e8)
    src/LiveCheckEvaluation.fs (af2113756825113643ece9690369169f8b8215e8)
    src/ProcessCommandLine.fs (af2113756825113643ece9690369169f8b8215e8)
    src/ProjectCracker.fs (af2113756825113643ece9690369169f8b8215e8)
    tests/PortaCodeTests.fs (af2113756825113643ece9690369169f8b8215e8)