

GROUP androidapp
RESTRICTION: == monoandroid10.0
NUGET
  remote: https://api.nuget.org/v3/index.json
    FSharp.Core (4.7.1)
    FSharp.Data (3.3.3)
      FSharp.Core (>= 4.3.4)
    Microsoft.NETCore.Platforms (3.1)
    NETStandard.Library (2.0.3)
      Microsoft.NETCore.Platforms (>= 1.1)
    Newtonsoft.Json (12.0.3)
    OxyPlot.Core (2.0)
      NETStandard.Library (>= 1.6.1)
    OxyPlot.Xamarin.Android (1.0)
      OxyPlot.Core (>= 1.0)
    OxyPlot.Xamarin.Forms (1.0)
      OxyPlot.Xamarin.Android (>= 1.0)
      Xamarin.Forms (>= 2.3.3.180)
    Plugin.MediaManager (0.9.7)
    Plugin.MediaManager.Forms (0.9.7)
      Plugin.MediaManager (>= 0.9.7)
      Xamarin.Forms (>= 4.5.0.356)
    SkiaSharp (1.68.1.1)
      System.IO.UnmanagedMemoryStream (>= 4.3)
      System.Memory (>= 4.5.3)
    SkiaSharp.Views (1.68.1.1)
      SkiaSharp (>= 1.68.1.1)
    SkiaSharp.Views.Forms (1.68.1.1)
      SkiaSharp (>= 1.68.1.1)
      SkiaSharp.Views (>= 1.68.1.1)
      Xamarin.Forms (>= 4.0.0.540366)
    System.Buffers (4.5.1)
    System.IO.UnmanagedMemoryStream (4.3)
    System.Memory (4.5.4)
      System.Buffers (>= 4.5.1)
      System.Numerics.Vectors (>= 4.4)
      System.Runtime.CompilerServices.Unsafe (>= 4.5.3)
    System.Numerics.Vectors (4.5)
    System.Runtime.CompilerServices.Unsafe (4.7.1)
    Xamarin.Android.Arch.Core.Common (1.1.1.3)
      Xamarin.Android.Support.Annotations (28.0.0.3)
    Xamarin.Android.Arch.Core.Runtime (1.1.1.3)
      Xamarin.Android.Arch.Core.Common (1.1.1.3)
      Xamarin.Android.Support.Annotations (28.0.0.3)
    Xamarin.Android.Arch.Lifecycle.Common (1.1.1.3)
      Xamarin.Android.Support.Annotations (28.0.0.3)
    Xamarin.Android.Arch.Lifecycle.LiveData (1.1.1.3)
      Xamarin.Android.Arch.Core.Common (1.1.1.3)
      Xamarin.Android.Arch.Core.Runtime (1.1.1.3)
      Xamarin.Android.Arch.Lifecycle.LiveData.Core (1.1.1.3)
    Xamarin.Android.Arch.Lifecycle.LiveData.Core (1.1.1.3)
      Xamarin.Android.Arch.Core.Common (1.1.1.3)
      Xamarin.Android.Arch.Core.Runtime (1.1.1.3)
      Xamarin.Android.Arch.Lifecycle.Common (1.1.1.3)
    Xamarin.Android.Arch.Lifecycle.Runtime (1.1.1.3)
      Xamarin.Android.Arch.Core.Common (1.1.1.3)
      Xamarin.Android.Arch.Lifecycle.Common (1.1.1.3)
      Xamarin.Android.Support.Annotations (28.0.0.3)
    Xamarin.Android.Arch.Lifecycle.ViewModel (1.1.1.3)
      Xamarin.Android.Support.Annotations (28.0.0.3)
    Xamarin.Android.FSharp.ResourceProvider (1.0.0.28)
    Xamarin.Android.Support.Animated.Vector.Drawable (28.0.0.3)
      Xamarin.Android.Support.Core.UI (28.0.0.3)
      Xamarin.Android.Support.Vector.Drawable (28.0.0.3)
    Xamarin.Android.Support.Annotations (28.0.0.3)
    Xamarin.Android.Support.AsyncLayoutInflater (28.0.0.3)
      Xamarin.Android.Support.Annotations (28.0.0.3)
      Xamarin.Android.Support.Compat (28.0.0.3)
    Xamarin.Android.Support.Collections (28.0.0.3)
      Xamarin.Android.Support.Annotations (28.0.0.3)
    Xamarin.Android.Support.Compat (28.0.0.3)
      Xamarin.Android.Arch.Lifecycle.Runtime (1.1.1.3)
      Xamarin.Android.Support.Annotations (28.0.0.3)
      Xamarin.Android.Support.Collections (28.0.0.3)
      Xamarin.Android.Support.VersionedParcelable (28.0.0.3)
    Xamarin.Android.Support.CoordinaterLayout (28.0.0.3)
      Xamarin.Android.Support.Annotations (28.0.0.3)
      Xamarin.Android.Support.Compat (28.0.0.3)
      Xamarin.Android.Support.CustomView (28.0.0.3)
    Xamarin.Android.Support.Core.UI (28.0.0.3)
      Xamarin.Android.Support.Annotations (28.0.0.3)
      Xamarin.Android.Support.AsyncLayoutInflater (28.0.0.3)
      Xamarin.Android.Support.Compat (28.0.0.3)
      Xamarin.Android.Support.CoordinaterLayout (28.0.0.3)
      Xamarin.Android.Support.Core.Utils (28.0.0.3)
      Xamarin.Android.Support.CursorAdapter (28.0.0.3)
      Xamarin.Android.Support.CustomView (28.0.0.3)
      Xamarin.Android.Support.DrawerLayout (28.0.0.3)
      Xamarin.Android.Support.Interpolator (28.0.0.3)
      Xamarin.Android.Support.SlidingPaneLayout (28.0.0.3)
      Xamarin.Android.Support.SwipeRefreshLayout (28.0.0.3)
      Xamarin.Android.Support.ViewPager (28.0.0.3)
    Xamarin.Android.Support.Core.Utils (28.0.0.3)
      Xamarin.Android.Support.Annotations (28.0.0.3)
      Xamarin.Android.Support.Compat (28.0.0.3)
      Xamarin.Android.Support.DocumentFile (28.0.0.3)
      Xamarin.Android.Support.Loader (28.0.0.3)
      Xamarin.Android.Support.LocalBroadcastManager (28.0.0.3)
      Xamarin.Android.Support.Print (28.0.0.3)
    Xamarin.Android.Support.CursorAdapter (28.0.0.3)
      Xamarin.Android.Support.Annotations (28.0.0.3)
    Xamarin.Android.Support.CustomTabs (28.0.0.3)
      Xamarin.Android.Support.Annotations (28.0.0.3)
      Xamarin.Android.Support.Collections (28.0.0.3)
      Xamarin.Android.Support.Compat (28.0.0.3)
      Xamarin.Android.Support.Core.UI (28.0.0.3)
      Xamarin.Android.Support.Interpolator (28.0.0.3)
    Xamarin.Android.Support.CustomView (28.0.0.3)
      Xamarin.Android.Support.Annotations (28.0.0.3)
      Xamarin.Android.Support.Compat (28.0.0.3)
    Xamarin.Android.Support.Design (28.0.0.3)
      Xamarin.Android.Support.Annotations (28.0.0.3)
      Xamarin.Android.Support.Compat (28.0.0.3)
      Xamarin.Android.Support.Core.UI (28.0.0.3)
      Xamarin.Android.Support.Core.Utils (28.0.0.3)
      Xamarin.Android.Support.Fragment (28.0.0.3)
      Xamarin.Android.Support.Transition (28.0.0.3)
      Xamarin.Android.Support.v7.AppCompat (28.0.0.3)
      Xamarin.Android.Support.v7.CardView (28.0.0.3)
      Xamarin.Android.Support.v7.RecyclerView (28.0.0.3)
    Xamarin.Android.Support.DocumentFile (28.0.0.3)
      Xamarin.Android.Support.Annotations (28.0.0.3)
    Xamarin.Android.Support.DrawerLayout (28.0.0.3)
      Xamarin.Android.Support.Annotations (28.0.0.3)
      Xamarin.Android.Support.Compat (28.0.0.3)
      Xamarin.Android.Support.CustomView (28.0.0.3)
    Xamarin.Android.Support.Fragment (28.0.0.3)
      Xamarin.Android.Arch.Lifecycle.ViewModel (1.1.1.3)
      Xamarin.Android.Support.Annotations (28.0.0.3)
      Xamarin.Android.Support.Compat (28.0.0.3)
      Xamarin.Android.Support.Core.UI (28.0.0.3)
      Xamarin.Android.Support.Core.Utils (28.0.0.3)
      Xamarin.Android.Support.Loader (28.0.0.3)
    Xamarin.Android.Support.Interpolator (28.0.0.3)
      Xamarin.Android.Support.Annotations (28.0.0.3)
    Xamarin.Android.Support.Loader (28.0.0.3)
      Xamarin.Android.Arch.Lifecycle.LiveData (1.1.1.3)
      Xamarin.Android.Arch.Lifecycle.ViewModel (1.1.1.3)
      Xamarin.Android.Support.Annotations (28.0.0.3)
      Xamarin.Android.Support.Compat (28.0.0.3)
    Xamarin.Android.Support.LocalBroadcastManager (28.0.0.3)
      Xamarin.Android.Support.Annotations (28.0.0.3)
    Xamarin.Android.Support.Media.Compat (28.0.0.3)
      Xamarin.Android.Support.Annotations (28.0.0.3)
      Xamarin.Android.Support.Compat (28.0.0.3)
      Xamarin.Android.Support.VersionedParcelable (28.0.0.3)
    Xamarin.Android.Support.Print (28.0.0.3)
      Xamarin.Android.Support.Annotations (28.0.0.3)
    Xamarin.Android.Support.SlidingPaneLayout (28.0.0.3)
      Xamarin.Android.Support.Annotations (28.0.0.3)
      Xamarin.Android.Support.Compat (28.0.0.3)
      Xamarin.Android.Support.CustomView (28.0.0.3)
    Xamarin.Android.Support.SwipeRefreshLayout (28.0.0.3)
      Xamarin.Android.Support.Annotations (28.0.0.3)
      Xamarin.Android.Support.Compat (28.0.0.3)
      Xamarin.Android.Support.Interpolator (28.0.0.3)
    Xamarin.Android.Support.Transition (28.0.0.3)
      Xamarin.Android.Support.Annotations (28.0.0.3)
      Xamarin.Android.Support.Compat (28.0.0.3)
      Xamarin.Android.Support.Fragment (28.0.0.3)
    Xamarin.Android.Support.v4 (28.0.0.3)
      Xamarin.Android.Support.Compat (28.0.0.3)
      Xamarin.Android.Support.Core.UI (28.0.0.3)
      Xamarin.Android.Support.Core.Utils (28.0.0.3)
      Xamarin.Android.Support.Fragment (28.0.0.3)
      Xamarin.Android.Support.Media.Compat (28.0.0.3)
    Xamarin.Android.Support.v7.AppCompat (28.0.0.3)
      Xamarin.Android.Support.Animated.Vector.Drawable (28.0.0.3)
      Xamarin.Android.Support.Annotations (28.0.0.3)
      Xamarin.Android.Support.Collections (28.0.0.3)
      Xamarin.Android.Support.Compat (28.0.0.3)
      Xamarin.Android.Support.Core.Utils (28.0.0.3)
      Xamarin.Android.Support.CursorAdapter (28.0.0.3)
      Xamarin.Android.Support.Fragment (28.0.0.3)
      Xamarin.Android.Support.Vector.Drawable (28.0.0.3)
    Xamarin.Android.Support.v7.CardView (28.0.0.3)
      Xamarin.Android.Support.Annotations (28.0.0.3)
    Xamarin.Android.Support.v7.RecyclerView (28.0.0.3)
      Xamarin.Android.Support.Annotations (28.0.0.3)
      Xamarin.Android.Support.Compat (28.0.0.3)
      Xamarin.Android.Support.Core.UI (28.0.0.3)
    Xamarin.Android.Support.Vector.Drawable (28.0.0.3)
      Xamarin.Android.Support.Annotations (28.0.0.3)
      Xamarin.Android.Support.Compat (28.0.0.3)
    Xamarin.Android.Support.VersionedParcelable (28.0.0.3)
      Xamarin.Android.Support.Annotations (28.0.0.3)
      Xamarin.Android.Support.Collections (28.0.0.3)
    Xamarin.Android.Support.ViewPager (28.0.0.3)
      Xamarin.Android.Support.Annotations (28.0.0.3)
      Xamarin.Android.Support.Compat (28.0.0.3)
      Xamarin.Android.Support.CustomView (28.0.0.3)
    Xamarin.Build.Download (0.10)
    Xamarin.Essentials (1.5.1)
      Xamarin.Android.Support.Compat (>= 28.0.0.3)
      Xamarin.Android.Support.CustomTabs (>= 28.0.0.3)
    Xamarin.FFImageLoading (2.4.11.982)
    Xamarin.FFImageLoading.Forms (2.4.11.982)
      Xamarin.FFImageLoading (>= 2.4.11.982)
      Xamarin.Forms (>= 3.3.0.912540)
    Xamarin.Forms (4.5.0.495)
      Xamarin.Android.Support.CustomTabs (>= 28.0.0.3)
      Xamarin.Android.Support.Design (>= 28.0.0.3)
      Xamarin.Android.Support.v4 (>= 28.0.0.3)
      Xamarin.Android.Support.v7.AppCompat (>= 28.0.0.3)
      Xamarin.Android.Support.v7.CardView (>= 28.0.0.3)
    Xamarin.Forms.Maps (4.5.0.495)
      Xamarin.Android.Support.v7.AppCompat (>= 28.0.0.3)
      Xamarin.Forms (>= 4.5.0.495)
      Xamarin.GooglePlayServices.Maps (>= 71.1610)
    Xamarin.Forms.PancakeView (1.3.7)
      Xamarin.Forms (>= 3.6.0.220655)
    Xamarin.GooglePlayServices.Base (71.1610)
      Xamarin.Build.Download (>= 0.4.11)
      Xamarin.GooglePlayServices.Basement (>= 71.1620)
      Xamarin.GooglePlayServices.Tasks (>= 71.1601)
    Xamarin.GooglePlayServices.Basement (71.1620)
      Xamarin.Android.Support.v4 (>= 28.0.0.1)
      Xamarin.Build.Download (>= 0.4.11)
    Xamarin.GooglePlayServices.Maps (71.1610)
      Xamarin.Build.Download (>= 0.4.11)
      Xamarin.GooglePlayServices.Base (>= 71.1610)
      Xamarin.GooglePlayServices.Basement (>= 71.1620)
    Xamarin.GooglePlayServices.Tasks (71.1601)
      Xamarin.Build.Download (>= 0.4.11)
      Xamarin.GooglePlayServices.Basement (>= 71.1620)

GROUP fakebuild
STORAGE: NONE
RESTRICTION: == netstandard2.0
NUGET
  remote: https://api.nuget.org/v3/index.json
    BlackFox.VsWhere (1.0)
      FSharp.Core (>= 4.2.3)
    dotnet-fake (5.18.3) - clitool: true
    Fake.Api.GitHub (5.19.1)
      FSharp.Core (>= 4.7)
      Octokit (>= 0.36)
    Fake.Core.CommandLineParsing (5.19.1)
      FParsec (>= 1.0.3)
      FSharp.Core (>= 4.7)
    Fake.Core.Context (5.19.1)
      FSharp.Core (>= 4.7)
    Fake.Core.Environment (5.19.1)
      FSharp.Core (>= 4.7)
    Fake.Core.FakeVar (5.19.1)
      Fake.Core.Context (>= 5.19.1)
      FSharp.Core (>= 4.7)
    Fake.Core.Process (5.19.1)
      Fake.Core.Environment (>= 5.19.1)
      Fake.Core.FakeVar (>= 5.19.1)
      Fake.Core.String (>= 5.19.1)
      Fake.Core.Trace (>= 5.19.1)
      Fake.IO.FileSystem (>= 5.19.1)
      FSharp.Core (>= 4.7)
      System.Diagnostics.Process (>= 4.3)
    Fake.Core.ReleaseNotes (5.19.1)
      Fake.Core.SemVer (>= 5.19.1)
      Fake.Core.String (>= 5.19.1)
      FSharp.Core (>= 4.7)
    Fake.Core.SemVer (5.19.1)
      FSharp.Core (>= 4.7)
      System.Runtime.Numerics (>= 4.3)
    Fake.Core.String (5.19.1)
      FSharp.Core (>= 4.7)
    Fake.Core.Target (5.19.1)
      Fake.Core.CommandLineParsing (>= 5.19.1)
      Fake.Core.Context (>= 5.19.1)
      Fake.Core.Environment (>= 5.19.1)
      Fake.Core.FakeVar (>= 5.19.1)
      Fake.Core.Process (>= 5.19.1)
      Fake.Core.String (>= 5.19.1)
      Fake.Core.Trace (>= 5.19.1)
      FSharp.Control.Reactive (>= 4.2)
      FSharp.Core (>= 4.7)
      System.Reactive.Compatibility (>= 4.3.1)
    Fake.Core.Tasks (5.19.1)
      Fake.Core.Trace (>= 5.19.1)
      FSharp.Core (>= 4.7)
    Fake.Core.Trace (5.19.1)
      Fake.Core.Environment (>= 5.19.1)
      Fake.Core.FakeVar (>= 5.19.1)
      FSharp.Core (>= 4.7)
    Fake.Core.Xml (5.19.1)
      Fake.Core.String (>= 5.19.1)
      FSharp.Core (>= 4.7)
      System.Xml.ReaderWriter (>= 4.3.1)
      System.Xml.XDocument (>= 4.3)
      System.Xml.XPath (>= 4.3)
      System.Xml.XPath.XDocument (>= 4.3)
      System.Xml.XPath.XmlDocument (>= 4.3)
    Fake.DotNet.Cli (5.19.1)
      Fake.Core.Environment (>= 5.19.1)
      Fake.Core.Process (>= 5.19.1)
      Fake.Core.String (>= 5.19.1)
      Fake.Core.Trace (>= 5.19.1)
      Fake.DotNet.MSBuild (>= 5.19.1)
      Fake.DotNet.NuGet (>= 5.19.1)
      Fake.IO.FileSystem (>= 5.19.1)
      FSharp.Core (>= 4.7)
      Mono.Posix.NETStandard (>= 1.0)
      Newtonsoft.Json (>= 12.0.3)
    Fake.DotNet.MSBuild (5.19.1)
      BlackFox.VsWhere (>= 1.0)
      Fake.Core.Environment (>= 5.19.1)
      Fake.Core.Process (>= 5.19.1)
      Fake.Core.String (>= 5.19.1)
      Fake.Core.Trace (>= 5.19.1)
      Fake.IO.FileSystem (>= 5.19.1)
      FSharp.Core (>= 4.7)
      MSBuild.StructuredLogger (>= 2.0.152)
    Fake.DotNet.NuGet (5.19.1)
      Fake.Core.Environment (>= 5.19.1)
      Fake.Core.Process (>= 5.19.1)
      Fake.Core.SemVer (>= 5.19.1)
      Fake.Core.String (>= 5.19.1)
      Fake.Core.Tasks (>= 5.19.1)
      Fake.Core.Trace (>= 5.19.1)
      Fake.Core.Xml (>= 5.19.1)
      Fake.IO.FileSystem (>= 5.19.1)
      Fake.Net.Http (>= 5.19.1)
      FSharp.Core (>= 4.7)
      Newtonsoft.Json (>= 12.0.3)
      NuGet.Protocol (>= 4.9.4)
      System.Net.Http (>= 4.3.4)
    Fake.DotNet.Paket (5.19.1)
      Fake.Core.Process (>= 5.19.1)
      Fake.Core.String (>= 5.19.1)
      Fake.Core.Trace (>= 5.19.1)
      Fake.DotNet.Cli (>= 5.19.1)
      Fake.IO.FileSystem (>= 5.19.1)
      FSharp.Core (>= 4.7)
    Fake.IO.FileSystem (5.19.1)
      Fake.Core.String (>= 5.19.1)
      FSharp.Core (>= 4.7)
      System.Diagnostics.FileVersionInfo (>= 4.3)
      System.IO.FileSystem.Watcher (>= 4.3)
    Fake.Net.Http (5.19.1)
      Fake.Core.Trace (>= 5.19.1)
      FSharp.Core (>= 4.7)
      System.Net.Http (>= 4.3.4)
    FParsec (1.1.1)
      FSharp.Core (>= 4.3.4)
    FSharp.Control.Reactive (4.2)
      FSharp.Core (>= 4.2.3)
      System.Reactive (>= 4.0)
    FSharp.Core (4.7.1)
    Microsoft.Build (16.5)
    Microsoft.Build.Framework (16.5)
      System.Runtime.Serialization.Primitives (>= 4.1.1)
      System.Threading.Thread (>= 4.0)
    Microsoft.Build.Tasks.Core (16.5)
      Microsoft.Build.Framework (>= 16.5)
      Microsoft.Build.Utilities.Core (>= 16.5)
      Microsoft.Win32.Registry (>= 4.3)
      System.CodeDom (>= 4.4)
      System.Collections.Immutable (>= 1.5)
      System.Linq.Parallel (>= 4.0.1)
      System.Net.Http (>= 4.3.4)
      System.Reflection.Metadata (>= 1.6)
      System.Reflection.TypeExtensions (>= 4.1)
      System.Resources.Extensions (>= 4.6)
      System.Resources.Writer (>= 4.0)
      System.Threading.Tasks.Dataflow (>= 4.9)
    Microsoft.Build.Utilities.Core (16.5)
      Microsoft.Build.Framework (>= 16.5)
      Microsoft.Win32.Registry (>= 4.3)
      System.Collections.Immutable (>= 1.5)
      System.Text.Encoding.CodePages (>= 4.0.1)
    Microsoft.NETCore.Platforms (3.1)
    Microsoft.NETCore.Targets (3.1)
    Microsoft.Win32.Primitives (4.3)
      Microsoft.NETCore.Platforms (>= 1.1)
      Microsoft.NETCore.Targets (>= 1.1)
      System.Runtime (>= 4.3)
    Microsoft.Win32.Registry (4.7)
      System.Buffers (>= 4.5)
      System.Memory (>= 4.5.3)
      System.Security.AccessControl (>= 4.7)
      System.Security.Principal.Windows (>= 4.7)
    Mono.Posix.NETStandard (1.0)
    MSBuild.StructuredLogger (2.0.174)
      Microsoft.Build (>= 15.8.166)
      Microsoft.Build.Framework (>= 15.8.166)
      Microsoft.Build.Tasks.Core (>= 15.8.166)
      Microsoft.Build.Utilities.Core (>= 15.8.166)
    Newtonsoft.Json (12.0.3)
    NuGet.Common (5.5)
      NuGet.Frameworks (>= 5.5)
      System.Diagnostics.Process (>= 4.3)
      System.Threading.Thread (>= 4.3)
    NuGet.Configuration (5.5)
      NuGet.Common (>= 5.5)
      System.Security.Cryptography.ProtectedData (>= 4.3)
    NuGet.Frameworks (5.5)
    NuGet.Packaging (5.5)
      Newtonsoft.Json (>= 9.0.1)
      NuGet.Configuration (>= 5.5)
      NuGet.Versioning (>= 5.5)
      System.Dynamic.Runtime (>= 4.3)
    NuGet.Protocol (5.5)
      NuGet.Packaging (>= 5.5)
      System.Dynamic.Runtime (>= 4.3)
    NuGet.Versioning (5.5)
    Octokit (0.46)
    runtime.debian.8-x64.runtime.native.System.Security.Cryptography.OpenSsl (4.3.3)
    runtime.debian.9-x64.runtime.native.System.Security.Cryptography.OpenSsl (4.3.3)
    runtime.fedora.23-x64.runtime.native.System.Security.Cryptography.OpenSsl (4.3.3)
    runtime.fedora.24-x64.runtime.native.System.Security.Cryptography.OpenSsl (4.3.3)
    runtime.fedora.27-x64.runtime.native.System.Security.Cryptography.OpenSsl (4.3.3)
    runtime.fedora.28-x64.runtime.native.System.Security.Cryptography.OpenSsl (4.3.3)
    runtime.native.System (4.3.1)
      Microsoft.NETCore.Platforms (>= 1.1.1)
      Microsoft.NETCore.Targets (>= 1.1.3)
    runtime.native.System.Net.Http (4.3.1)
      Microsoft.NETCore.Platforms (>= 1.1.1)
      Microsoft.NETCore.Targets (>= 1.1.3)
    runtime.native.System.Security.Cryptography.Apple (4.3.1)
      runtime.osx.10.10-x64.runtime.native.System.Security.Cryptography.Apple (>= 4.3.1)
    runtime.native.System.Security.Cryptography.OpenSsl (4.3.3)
      runtime.debian.8-x64.runtime.native.System.Security.Cryptography.OpenSsl (>= 4.3.3)
      runtime.debian.9-x64.runtime.native.System.Security.Cryptography.OpenSsl (>= 4.3.3)
      runtime.fedora.23-x64.runtime.native.System.Security.Cryptography.OpenSsl (>= 4.3.3)
      runtime.fedora.24-x64.runtime.native.System.Security.Cryptography.OpenSsl (>= 4.3.3)
      runtime.fedora.27-x64.runtime.native.System.Security.Cryptography.OpenSsl (>= 4.3.3)
      runtime.fedora.28-x64.runtime.native.System.Security.Cryptography.OpenSsl (>= 4.3.3)
      runtime.opensuse.13.2-x64.runtime.native.System.Security.Cryptography.OpenSsl (>= 4.3.3)
      runtime.opensuse.42.1-x64.runtime.native.System.Security.Cryptography.OpenSsl (>= 4.3.3)
      runtime.opensuse.42.3-x64.runtime.native.System.Security.Cryptography.OpenSsl (>= 4.3.3)
      runtime.osx.10.10-x64.runtime.native.System.Security.Cryptography.OpenSsl (>= 4.3.3)
      runtime.rhel.7-x64.runtime.native.System.Security.Cryptography.OpenSsl (>= 4.3.3)
      runtime.ubuntu.14.04-x64.runtime.native.System.Security.Cryptography.OpenSsl (>= 4.3.3)
      runtime.ubuntu.16.04-x64.runtime.native.System.Security.Cryptography.OpenSsl (>= 4.3.3)
      runtime.ubuntu.16.10-x64.runtime.native.System.Security.Cryptography.OpenSsl (>= 4.3.3)
      runtime.ubuntu.18.04-x64.runtime.native.System.Security.Cryptography.OpenSsl (>= 4.3.3)
    runtime.opensuse.13.2-x64.runtime.native.System.Security.Cryptography.OpenSsl (4.3.3)
    runtime.opensuse.42.1-x64.runtime.native.System.Security.Cryptography.OpenSsl (4.3.3)
    runtime.opensuse.42.3-x64.runtime.native.System.Security.Cryptography.OpenSsl (4.3.3)
    runtime.osx.10.10-x64.runtime.native.System.Security.Cryptography.Apple (4.3.1)
    runtime.osx.10.10-x64.runtime.native.System.Security.Cryptography.OpenSsl (4.3.3)
    runtime.rhel.7-x64.runtime.native.System.Security.Cryptography.OpenSsl (4.3.3)
    runtime.ubuntu.14.04-x64.runtime.native.System.Security.Cryptography.OpenSsl (4.3.3)
    runtime.ubuntu.16.04-x64.runtime.native.System.Security.Cryptography.OpenSsl (4.3.3)
    runtime.ubuntu.16.10-x64.runtime.native.System.Security.Cryptography.OpenSsl (4.3.3)
    runtime.ubuntu.18.04-x64.runtime.native.System.Security.Cryptography.OpenSsl (4.3.3)
    System.Buffers (4.5.1)
    System.CodeDom (4.7)
    System.Collections (4.3)
      Microsoft.NETCore.Platforms (>= 1.1)
      Microsoft.NETCore.Targets (>= 1.1)
      System.Runtime (>= 4.3)
    System.Collections.Concurrent (4.3)
      System.Collections (>= 4.3)
      System.Diagnostics.Debug (>= 4.3)
      System.Diagnostics.Tracing (>= 4.3)
      System.Globalization (>= 4.3)
      System.Reflection (>= 4.3)
      System.Resources.ResourceManager (>= 4.3)
      System.Runtime (>= 4.3)
      System.Runtime.Extensions (>= 4.3)
      System.Threading (>= 4.3)
      System.Threading.Tasks (>= 4.3)
    System.Collections.Immutable (1.7)
      System.Memory (>= 4.5.3)
    System.Diagnostics.Debug (4.3)
      Microsoft.NETCore.Platforms (>= 1.1)
      Microsoft.NETCore.Targets (>= 1.1)
      System.Runtime (>= 4.3)
    System.Diagnostics.DiagnosticSource (4.7)
      System.Memory (>= 4.5.3)
    System.Diagnostics.FileVersionInfo (4.3)
      Microsoft.NETCore.Platforms (>= 1.1)
      System.Globalization (>= 4.3)
      System.IO (>= 4.3)
      System.IO.FileSystem (>= 4.3)
      System.IO.FileSystem.Primitives (>= 4.3)
      System.Reflection.Metadata (>= 1.4.1)
      System.Runtime (>= 4.3)
      System.Runtime.Extensions (>= 4.3)
      System.Runtime.InteropServices (>= 4.3)
    System.Diagnostics.Process (4.3)
      Microsoft.NETCore.Platforms (>= 1.1)
      Microsoft.Win32.Primitives (>= 4.3)
      Microsoft.Win32.Registry (>= 4.3)
      runtime.native.System (>= 4.3)
      System.Collections (>= 4.3)
      System.Diagnostics.Debug (>= 4.3)
      System.Globalization (>= 4.3)
      System.IO (>= 4.3)
      System.IO.FileSystem (>= 4.3)
      System.IO.FileSystem.Primitives (>= 4.3)
      System.Resources.ResourceManager (>= 4.3)
      System.Runtime (>= 4.3)
      System.Runtime.Extensions (>= 4.3)
      System.Runtime.Handles (>= 4.3)
      System.Runtime.InteropServices (>= 4.3)
      System.Text.Encoding (>= 4.3)
      System.Text.Encoding.Extensions (>= 4.3)
      System.Threading (>= 4.3)
      System.Threading.Tasks (>= 4.3)
      System.Threading.Thread (>= 4.3)
      System.Threading.ThreadPool (>= 4.3)
    System.Diagnostics.Tools (4.3)
      Microsoft.NETCore.Platforms (>= 1.1)
      Microsoft.NETCore.Targets (>= 1.1)
      System.Runtime (>= 4.3)
    System.Diagnostics.Tracing (4.3)
      Microsoft.NETCore.Platforms (>= 1.1)
      Microsoft.NETCore.Targets (>= 1.1)
      System.Runtime (>= 4.3)
    System.Dynamic.Runtime (4.3)
      System.Collections (>= 4.3)
      System.Diagnostics.Debug (>= 4.3)
      System.Linq (>= 4.3)
      System.Linq.Expressions (>= 4.3)
      System.ObjectModel (>= 4.3)
      System.Reflection (>= 4.3)
      System.Reflection.Emit (>= 4.3)
      System.Reflection.Emit.ILGeneration (>= 4.3)
      System.Reflection.Primitives (>= 4.3)
      System.Reflection.TypeExtensions (>= 4.3)
      System.Resources.ResourceManager (>= 4.3)
      System.Runtime (>= 4.3)
      System.Runtime.Extensions (>= 4.3)
      System.Threading (>= 4.3)
    System.Globalization (4.3)
      Microsoft.NETCore.Platforms (>= 1.1)
      Microsoft.NETCore.Targets (>= 1.1)
      System.Runtime (>= 4.3)
    System.Globalization.Calendars (4.3)
      Microsoft.NETCore.Platforms (>= 1.1)
      Microsoft.NETCore.Targets (>= 1.1)
      System.Globalization (>= 4.3)
      System.Runtime (>= 4.3)
    System.Globalization.Extensions (4.3)
      Microsoft.NETCore.Platforms (>= 1.1)
      System.Globalization (>= 4.3)
      System.Resources.ResourceManager (>= 4.3)
      System.Runtime (>= 4.3)
      System.Runtime.Extensions (>= 4.3)
      System.Runtime.InteropServices (>= 4.3)
    System.IO (4.3)
      Microsoft.NETCore.Platforms (>= 1.1)
      Microsoft.NETCore.Targets (>= 1.1)
      System.Runtime (>= 4.3)
      System.Text.Encoding (>= 4.3)
      System.Threading.Tasks (>= 4.3)
    System.IO.FileSystem (4.3)
      Microsoft.NETCore.Platforms (>= 1.1)
      Microsoft.NETCore.Targets (>= 1.1)
      System.IO (>= 4.3)
      System.IO.FileSystem.Primitives (>= 4.3)
      System.Runtime (>= 4.3)
      System.Runtime.Handles (>= 4.3)
      System.Text.Encoding (>= 4.3)
      System.Threading.Tasks (>= 4.3)
    System.IO.FileSystem.Primitives (4.3)
      System.Runtime (>= 4.3)
    System.IO.FileSystem.Watcher (4.3)
      Microsoft.NETCore.Platforms (>= 1.1)
      Microsoft.Win32.Primitives (>= 4.3)
      runtime.native.System (>= 4.3)
      System.Collections (>= 4.3)
      System.IO.FileSystem (>= 4.3)
      System.IO.FileSystem.Primitives (>= 4.3)
      System.Resources.ResourceManager (>= 4.3)
      System.Runtime (>= 4.3)
      System.Runtime.Extensions (>= 4.3)
      System.Runtime.Handles (>= 4.3)
      System.Runtime.InteropServices (>= 4.3)
      System.Text.Encoding (>= 4.3)
      System.Threading (>= 4.3)
      System.Threading.Overlapped (>= 4.3)
      System.Threading.Tasks (>= 4.3)
      System.Threading.Thread (>= 4.3)
    System.Linq (4.3)
      System.Collections (>= 4.3)
      System.Diagnostics.Debug (>= 4.3)
      System.Resources.ResourceManager (>= 4.3)
      System.Runtime (>= 4.3)
      System.Runtime.Extensions (>= 4.3)
    System.Linq.Expressions (4.3)
      System.Collections (>= 4.3)
      System.Diagnostics.Debug (>= 4.3)
      System.Globalization (>= 4.3)
      System.IO (>= 4.3)
      System.Linq (>= 4.3)
      System.ObjectModel (>= 4.3)
      System.Reflection (>= 4.3)
      System.Reflection.Emit (>= 4.3)
      System.Reflection.Emit.ILGeneration (>= 4.3)
      System.Reflection.Emit.Lightweight (>= 4.3)
      System.Reflection.Extensions (>= 4.3)
      System.Reflection.Primitives (>= 4.3)
      System.Reflection.TypeExtensions (>= 4.3)
      System.Resources.ResourceManager (>= 4.3)
      System.Runtime (>= 4.3)
      System.Runtime.Extensions (>= 4.3)
      System.Threading (>= 4.3)
    System.Linq.Parallel (4.3)
      System.Collections (>= 4.3)
      System.Collections.Concurrent (>= 4.3)
      System.Diagnostics.Debug (>= 4.3)
      System.Diagnostics.Tracing (>= 4.3)
      System.Linq (>= 4.3)
      System.Resources.ResourceManager (>= 4.3)
      System.Runtime (>= 4.3)
      System.Runtime.Extensions (>= 4.3)
      System.Threading (>= 4.3)
      System.Threading.Tasks (>= 4.3)
    System.Memory (4.5.4)
      System.Buffers (>= 4.5.1)
      System.Numerics.Vectors (>= 4.4)
      System.Runtime.CompilerServices.Unsafe (>= 4.5.3)
    System.Net.Http (4.3.4)
      Microsoft.NETCore.Platforms (>= 1.1.1)
      runtime.native.System (>= 4.3)
      runtime.native.System.Net.Http (>= 4.3)
      runtime.native.System.Security.Cryptography.OpenSsl (>= 4.3.2)
      System.Collections (>= 4.3)
      System.Diagnostics.Debug (>= 4.3)
      System.Diagnostics.DiagnosticSource (>= 4.3)
      System.Diagnostics.Tracing (>= 4.3)
      System.Globalization (>= 4.3)
      System.Globalization.Extensions (>= 4.3)
      System.IO (>= 4.3)
      System.IO.FileSystem (>= 4.3)
      System.Net.Primitives (>= 4.3)
      System.Resources.ResourceManager (>= 4.3)
      System.Runtime (>= 4.3)
      System.Runtime.Extensions (>= 4.3)
      System.Runtime.Handles (>= 4.3)
      System.Runtime.InteropServices (>= 4.3)
      System.Security.Cryptography.Algorithms (>= 4.3)
      System.Security.Cryptography.Encoding (>= 4.3)
      System.Security.Cryptography.OpenSsl (>= 4.3)
      System.Security.Cryptography.Primitives (>= 4.3)
      System.Security.Cryptography.X509Certificates (>= 4.3)
      System.Text.Encoding (>= 4.3)
      System.Threading (>= 4.3)
      System.Threading.Tasks (>= 4.3)
    System.Net.Primitives (4.3.1)
      Microsoft.NETCore.Platforms (>= 1.1.1)
      Microsoft.NETCore.Targets (>= 1.1.3)
      System.Runtime (>= 4.3.1)
      System.Runtime.Handles (>= 4.3)
    System.Numerics.Vectors (4.5)
    System.ObjectModel (4.3)
      System.Collections (>= 4.3)
      System.Diagnostics.Debug (>= 4.3)
      System.Resources.ResourceManager (>= 4.3)
      System.Runtime (>= 4.3)
      System.Threading (>= 4.3)
    System.Reactive (4.3.2)
      System.Runtime.InteropServices.WindowsRuntime (>= 4.3)
      System.Threading.Tasks.Extensions (>= 4.5.3)
    System.Reactive.Compatibility (4.3.2)
      System.Reactive.Core (>= 4.3.2)
      System.Reactive.Interfaces (>= 4.3.2)
      System.Reactive.Linq (>= 4.3.2)
      System.Reactive.PlatformServices (>= 4.3.2)
      System.Reactive.Providers (>= 4.3.2)
    System.Reactive.Core (4.3.2)
      System.Reactive (>= 4.3.2)
      System.Threading.Tasks.Extensions (>= 4.5.3)
    System.Reactive.Interfaces (4.3.2)
      System.Reactive (>= 4.3.2)
      System.Threading.Tasks.Extensions (>= 4.5.3)
    System.Reactive.Linq (4.3.2)
      System.Reactive (>= 4.3.2)
      System.Threading.Tasks.Extensions (>= 4.5.3)
    System.Reactive.PlatformServices (4.3.2)
      System.Reactive (>= 4.3.2)
      System.Threading.Tasks.Extensions (>= 4.5.3)
    System.Reactive.Providers (4.3.2)
      System.Reactive (>= 4.3.2)
      System.Threading.Tasks.Extensions (>= 4.5.3)
    System.Reflection (4.3)
      Microsoft.NETCore.Platforms (>= 1.1)
      Microsoft.NETCore.Targets (>= 1.1)
      System.IO (>= 4.3)
      System.Reflection.Primitives (>= 4.3)
      System.Runtime (>= 4.3)
    System.Reflection.Emit (4.7)
      System.Reflection.Emit.ILGeneration (>= 4.7)
    System.Reflection.Emit.ILGeneration (4.7)
    System.Reflection.Emit.Lightweight (4.7)
      System.Reflection.Emit.ILGeneration (>= 4.7)
    System.Reflection.Extensions (4.3)
      Microsoft.NETCore.Platforms (>= 1.1)
      Microsoft.NETCore.Targets (>= 1.1)
      System.Reflection (>= 4.3)
      System.Runtime (>= 4.3)
    System.Reflection.Metadata (1.8)
      System.Collections.Immutable (>= 1.7)
    System.Reflection.Primitives (4.3)
      Microsoft.NETCore.Platforms (>= 1.1)
      Microsoft.NETCore.Targets (>= 1.1)
      System.Runtime (>= 4.3)
    System.Reflection.TypeExtensions (4.7)
    System.Resources.Extensions (4.7)
      System.Memory (>= 4.5.3)
    System.Resources.ResourceManager (4.3)
      Microsoft.NETCore.Platforms (>= 1.1)
      Microsoft.NETCore.Targets (>= 1.1)
      System.Globalization (>= 4.3)
      System.Reflection (>= 4.3)
      System.Runtime (>= 4.3)
    System.Resources.Writer (4.3)
      System.Collections (>= 4.3)
      System.IO (>= 4.3)
      System.Resources.ResourceManager (>= 4.3)
      System.Runtime (>= 4.3)
      System.Runtime.Extensions (>= 4.3)
      System.Text.Encoding (>= 4.3)
    System.Runtime (4.3.1)
      Microsoft.NETCore.Platforms (>= 1.1.1)
      Microsoft.NETCore.Targets (>= 1.1.3)
    System.Runtime.CompilerServices.Unsafe (4.7.1)
    System.Runtime.Extensions (4.3.1)
      Microsoft.NETCore.Platforms (>= 1.1.1)
      Microsoft.NETCore.Targets (>= 1.1.3)
      System.Runtime (>= 4.3.1)
    System.Runtime.Handles (4.3)
      Microsoft.NETCore.Platforms (>= 1.1)
      Microsoft.NETCore.Targets (>= 1.1)
      System.Runtime (>= 4.3)
    System.Runtime.InteropServices (4.3)
      Microsoft.NETCore.Platforms (>= 1.1)
      Microsoft.NETCore.Targets (>= 1.1)
      System.Reflection (>= 4.3)
      System.Reflection.Primitives (>= 4.3)
      System.Runtime (>= 4.3)
      System.Runtime.Handles (>= 4.3)
    System.Runtime.InteropServices.WindowsRuntime (4.3)
      System.Runtime (>= 4.3)
    System.Runtime.Numerics (4.3)
      System.Globalization (>= 4.3)
      System.Resources.ResourceManager (>= 4.3)
      System.Runtime (>= 4.3)
      System.Runtime.Extensions (>= 4.3)
    System.Runtime.Serialization.Primitives (4.3)
      System.Resources.ResourceManager (>= 4.3)
      System.Runtime (>= 4.3)
    System.Security.AccessControl (4.7)
      System.Security.Principal.Windows (>= 4.7)
    System.Security.Cryptography.Algorithms (4.3.1)
      Microsoft.NETCore.Platforms (>= 1.1)
      runtime.native.System.Security.Cryptography.Apple (>= 4.3.1)
      runtime.native.System.Security.Cryptography.OpenSsl (>= 4.3.2)
      System.Collections (>= 4.3)
      System.IO (>= 4.3)
      System.Resources.ResourceManager (>= 4.3)
      System.Runtime (>= 4.3)
      System.Runtime.Extensions (>= 4.3)
      System.Runtime.Handles (>= 4.3)
      System.Runtime.InteropServices (>= 4.3)
      System.Runtime.Numerics (>= 4.3)
      System.Security.Cryptography.Encoding (>= 4.3)
      System.Security.Cryptography.Primitives (>= 4.3)
      System.Text.Encoding (>= 4.3)
    System.Security.Cryptography.Cng (4.7)
    System.Security.Cryptography.Csp (4.3)
      Microsoft.NETCore.Platforms (>= 1.1)
      System.IO (>= 4.3)
      System.Reflection (>= 4.3)
      System.Resources.ResourceManager (>= 4.3)
      System.Runtime (>= 4.3)
      System.Runtime.Extensions (>= 4.3)
      System.Runtime.Handles (>= 4.3)
      System.Runtime.InteropServices (>= 4.3)
      System.Security.Cryptography.Algorithms (>= 4.3)
      System.Security.Cryptography.Encoding (>= 4.3)
      System.Security.Cryptography.Primitives (>= 4.3)
      System.Text.Encoding (>= 4.3)
      System.Threading (>= 4.3)
    System.Security.Cryptography.Encoding (4.3)
      Microsoft.NETCore.Platforms (>= 1.1)
      runtime.native.System.Security.Cryptography.OpenSsl (>= 4.3)
      System.Collections (>= 4.3)
      System.Collections.Concurrent (>= 4.3)
      System.Linq (>= 4.3)
      System.Resources.ResourceManager (>= 4.3)
      System.Runtime (>= 4.3)
      System.Runtime.Extensions (>= 4.3)
      System.Runtime.Handles (>= 4.3)
      System.Runtime.InteropServices (>= 4.3)
      System.Security.Cryptography.Primitives (>= 4.3)
      System.Text.Encoding (>= 4.3)
    System.Security.Cryptography.OpenSsl (4.7)
    System.Security.Cryptography.Primitives (4.3)
      System.Diagnostics.Debug (>= 4.3)
      System.Globalization (>= 4.3)
      System.IO (>= 4.3)
      System.Resources.ResourceManager (>= 4.3)
      System.Runtime (>= 4.3)
      System.Threading (>= 4.3)
      System.Threading.Tasks (>= 4.3)
    System.Security.Cryptography.ProtectedData (4.7)
      System.Memory (>= 4.5.3)
    System.Security.Cryptography.X509Certificates (4.3.2)
      Microsoft.NETCore.Platforms (>= 1.1)
      runtime.native.System (>= 4.3)
      runtime.native.System.Net.Http (>= 4.3)
      runtime.native.System.Security.Cryptography.OpenSsl (>= 4.3.2)
      System.Collections (>= 4.3)
      System.Diagnostics.Debug (>= 4.3)
      System.Globalization (>= 4.3)
      System.Globalization.Calendars (>= 4.3)
      System.IO (>= 4.3)
      System.IO.FileSystem (>= 4.3)
      System.IO.FileSystem.Primitives (>= 4.3)
      System.Resources.ResourceManager (>= 4.3)
      System.Runtime (>= 4.3)
      System.Runtime.Extensions (>= 4.3)
      System.Runtime.Handles (>= 4.3)
      System.Runtime.InteropServices (>= 4.3)
      System.Runtime.Numerics (>= 4.3)
      System.Security.Cryptography.Algorithms (>= 4.3)
      System.Security.Cryptography.Cng (>= 4.3)
      System.Security.Cryptography.Csp (>= 4.3)
      System.Security.Cryptography.Encoding (>= 4.3)
      System.Security.Cryptography.OpenSsl (>= 4.3)
      System.Security.Cryptography.Primitives (>= 4.3)
      System.Text.Encoding (>= 4.3)
      System.Threading (>= 4.3)
    System.Security.Principal.Windows (4.7)
    System.Text.Encoding (4.3)
      Microsoft.NETCore.Platforms (>= 1.1)
      Microsoft.NETCore.Targets (>= 1.1)
      System.Runtime (>= 4.3)
    System.Text.Encoding.CodePages (4.7)
      System.Runtime.CompilerServices.Unsafe (>= 4.7)
    System.Text.Encoding.Extensions (4.3)
      Microsoft.NETCore.Platforms (>= 1.1)
      Microsoft.NETCore.Targets (>= 1.1)
      System.Runtime (>= 4.3)
      System.Text.Encoding (>= 4.3)
    System.Text.RegularExpressions (4.3.1)
      System.Collections (>= 4.3)
      System.Globalization (>= 4.3)
      System.Resources.ResourceManager (>= 4.3)
      System.Runtime (>= 4.3.1)
      System.Runtime.Extensions (>= 4.3.1)
      System.Threading (>= 4.3)
    System.Threading (4.3)
      System.Runtime (>= 4.3)
      System.Threading.Tasks (>= 4.3)
    System.Threading.Overlapped (4.3)
      Microsoft.NETCore.Platforms (>= 1.1)
      System.Resources.ResourceManager (>= 4.3)
      System.Runtime (>= 4.3)
      System.Runtime.Handles (>= 4.3)
    System.Threading.Tasks (4.3)
      Microsoft.NETCore.Platforms (>= 1.1)
      Microsoft.NETCore.Targets (>= 1.1)
      System.Runtime (>= 4.3)
    System.Threading.Tasks.Dataflow (4.11)
    System.Threading.Tasks.Extensions (4.5.4)
      System.Runtime.CompilerServices.Unsafe (>= 4.5.3)
    System.Threading.Thread (4.3)
      System.Runtime (>= 4.3)
    System.Threading.ThreadPool (4.3)
      System.Runtime (>= 4.3)
      System.Runtime.Handles (>= 4.3)
    System.Xml.ReaderWriter (4.3.1)
      System.Collections (>= 4.3)
      System.Diagnostics.Debug (>= 4.3)
      System.Globalization (>= 4.3)
      System.IO (>= 4.3)
      System.IO.FileSystem (>= 4.3)
      System.IO.FileSystem.Primitives (>= 4.3)
      System.Resources.ResourceManager (>= 4.3)
      System.Runtime (>= 4.3)
      System.Runtime.Extensions (>= 4.3)
      System.Runtime.InteropServices (>= 4.3)
      System.Text.Encoding (>= 4.3)
      System.Text.Encoding.Extensions (>= 4.3)
      System.Text.RegularExpressions (>= 4.3)
      System.Threading.Tasks (>= 4.3)
      System.Threading.Tasks.Extensions (>= 4.3)
    System.Xml.XDocument (4.3)
      System.Collections (>= 4.3)
      System.Diagnostics.Debug (>= 4.3)
      System.Diagnostics.Tools (>= 4.3)
      System.Globalization (>= 4.3)
      System.IO (>= 4.3)
      System.Reflection (>= 4.3)
      System.Resources.ResourceManager (>= 4.3)
      System.Runtime (>= 4.3)
      System.Runtime.Extensions (>= 4.3)
      System.Text.Encoding (>= 4.3)
      System.Threading (>= 4.3)
      System.Xml.ReaderWriter (>= 4.3)
    System.Xml.XmlDocument (4.3)
      System.Collections (>= 4.3)
      System.Diagnostics.Debug (>= 4.3)
      System.Globalization (>= 4.3)
      System.IO (>= 4.3)
      System.Resources.ResourceManager (>= 4.3)
      System.Runtime (>= 4.3)
      System.Runtime.Extensions (>= 4.3)
      System.Text.Encoding (>= 4.3)
      System.Threading (>= 4.3)
      System.Xml.ReaderWriter (>= 4.3)
    System.Xml.XPath (4.3)
      System.Collections (>= 4.3)
      System.Diagnostics.Debug (>= 4.3)
      System.Globalization (>= 4.3)
      System.IO (>= 4.3)
      System.Resources.ResourceManager (>= 4.3)
      System.Runtime (>= 4.3)
      System.Runtime.Extensions (>= 4.3)
      System.Threading (>= 4.3)
      System.Xml.ReaderWriter (>= 4.3)
    System.Xml.XPath.XDocument (4.3)
      System.Diagnostics.Debug (>= 4.3)
      System.Linq (>= 4.3)
      System.Resources.ResourceManager (>= 4.3)
      System.Runtime (>= 4.3)
      System.Runtime.Extensions (>= 4.3)
      System.Threading (>= 4.3)
      System.Xml.ReaderWriter (>= 4.3)
      System.Xml.XDocument (>= 4.3)
      System.Xml.XPath (>= 4.3)
    System.Xml.XPath.XmlDocument (4.3)
      System.Collections (>= 4.3)
      System.Globalization (>= 4.3)
      System.IO (>= 4.3)
      System.Resources.ResourceManager (>= 4.3)
      System.Runtime (>= 4.3)
      System.Runtime.Extensions (>= 4.3)
      System.Threading (>= 4.3)
      System.Xml.ReaderWriter (>= 4.3)
      System.Xml.XmlDocument (>= 4.3)
      System.Xml.XPath (>= 4.3)

GROUP generator
RESTRICTION: == netstandard2.0
NUGET
  remote: https://api.nuget.org/v3/index.json
    Microsoft.NETCore.Platforms (3.1)
    Microsoft.NETCore.Targets (3.1)
    Microsoft.NETCore.UniversalWindowsPlatform (6.2.10)
    Microsoft.UI.Xaml (2.3.200213001)
    NETStandard.Library (2.0.3)
      Microsoft.NETCore.Platforms (>= 1.1)
    OxyPlot.Core (2.0)
      NETStandard.Library (>= 1.6.1)
    OxyPlot.Xamarin.Forms (1.0)
      OxyPlot.Core (>= 1.0)
      Xamarin.Forms (>= 2.3.3.180)
    Plugin.MediaManager (0.9.7)
    Plugin.MediaManager.Forms (0.9.7)
      Plugin.MediaManager (>= 0.9.7)
      Xamarin.Forms (>= 4.5.0.356)
    SkiaSharp (1.68.1.1)
      System.IO.UnmanagedMemoryStream (>= 4.3)
      System.Memory (>= 4.5.3)
    SkiaSharp.Views.Forms (1.68.1)
      SkiaSharp (>= 1.68.1)
      Xamarin.Forms (>= 4.0.0.540366)
    System.Buffers (4.5.1)
    System.Diagnostics.Debug (4.3)
      Microsoft.NETCore.Platforms (>= 1.1)
      Microsoft.NETCore.Targets (>= 1.1)
      System.Runtime (>= 4.3)
    System.Globalization (4.3)
      Microsoft.NETCore.Platforms (>= 1.1)
      Microsoft.NETCore.Targets (>= 1.1)
      System.Runtime (>= 4.3)
    System.IO (4.3)
      Microsoft.NETCore.Platforms (>= 1.1)
      Microsoft.NETCore.Targets (>= 1.1)
      System.Runtime (>= 4.3)
      System.Text.Encoding (>= 4.3)
      System.Threading.Tasks (>= 4.3)
    System.IO.FileSystem.Primitives (4.3)
      System.Runtime (>= 4.3)
    System.IO.UnmanagedMemoryStream (4.3)
      System.Buffers (>= 4.3)
      System.Diagnostics.Debug (>= 4.3)
      System.IO (>= 4.3)
      System.IO.FileSystem.Primitives (>= 4.3)
      System.Resources.ResourceManager (>= 4.3)
      System.Runtime (>= 4.3)
      System.Runtime.InteropServices (>= 4.3)
      System.Threading (>= 4.3)
      System.Threading.Tasks (>= 4.3)
    System.Memory (4.5.4)
      System.Buffers (>= 4.5.1)
      System.Numerics.Vectors (>= 4.4)
      System.Runtime.CompilerServices.Unsafe (>= 4.5.3)
    System.Numerics.Vectors (4.5)
    System.Reflection (4.3)
      Microsoft.NETCore.Platforms (>= 1.1)
      Microsoft.NETCore.Targets (>= 1.1)
      System.IO (>= 4.3)
      System.Reflection.Primitives (>= 4.3)
      System.Runtime (>= 4.3)
    System.Reflection.Primitives (4.3)
      Microsoft.NETCore.Platforms (>= 1.1)
      Microsoft.NETCore.Targets (>= 1.1)
      System.Runtime (>= 4.3)
    System.Resources.ResourceManager (4.3)
      Microsoft.NETCore.Platforms (>= 1.1)
      Microsoft.NETCore.Targets (>= 1.1)
      System.Globalization (>= 4.3)
      System.Reflection (>= 4.3)
      System.Runtime (>= 4.3)
    System.Runtime (4.3.1)
      Microsoft.NETCore.Platforms (>= 1.1.1)
      Microsoft.NETCore.Targets (>= 1.1.3)
    System.Runtime.CompilerServices.Unsafe (4.7.1)
    System.Runtime.Handles (4.3)
      Microsoft.NETCore.Platforms (>= 1.1)
      Microsoft.NETCore.Targets (>= 1.1)
      System.Runtime (>= 4.3)
    System.Runtime.InteropServices (4.3)
      Microsoft.NETCore.Platforms (>= 1.1)
      Microsoft.NETCore.Targets (>= 1.1)
      System.Reflection (>= 4.3)
      System.Reflection.Primitives (>= 4.3)
      System.Runtime (>= 4.3)
      System.Runtime.Handles (>= 4.3)
    System.Text.Encoding (4.3)
      Microsoft.NETCore.Platforms (>= 1.1)
      Microsoft.NETCore.Targets (>= 1.1)
      System.Runtime (>= 4.3)
    System.Threading (4.3)
      System.Runtime (>= 4.3)
      System.Threading.Tasks (>= 4.3)
    System.Threading.Tasks (4.3)
      Microsoft.NETCore.Platforms (>= 1.1)
      Microsoft.NETCore.Targets (>= 1.1)
      System.Runtime (>= 4.3)
    System.ValueTuple (4.5)
    Win2D.uwp (1.24)
    Xamarin.Android.Support.v4 (28.0.0.3)
    Xamarin.AndroidX.AppCompat (1.1)
    Xamarin.AndroidX.Browser (1.2)
    Xamarin.AndroidX.Legacy.Support.Core.UI (1.0)
    Xamarin.AndroidX.Legacy.Support.V4 (1.0)
    Xamarin.AndroidX.Lifecycle.LiveData (2.2)
    Xamarin.AndroidX.Migration (1.0.1)
    Xamarin.FFImageLoading (2.4.11.982)
    Xamarin.FFImageLoading.Forms (2.4.11.982)
      Xamarin.FFImageLoading (>= 2.4.11.982)
      Xamarin.Forms (>= 3.3.0.912540)
    Xamarin.Forms (4.5.0.356)
      Microsoft.NETCore.UniversalWindowsPlatform (>= 6.0.15)
      Microsoft.UI.Xaml (>= 2.1.190606001)
      NETStandard.Library (>= 2.0.1)
      System.ValueTuple (>= 4.5)
      Win2D.uwp (>= 1.20)
      Xamarin.AndroidX.Browser (>= 1.0)
      Xamarin.AndroidX.Legacy.Support.V4 (>= 1.0)
      Xamarin.AndroidX.Lifecycle.LiveData (>= 2.1)
      Xamarin.Google.Android.Material (>= 1.0)
    Xamarin.Forms.Maps (4.5.0.356)
      Xamarin.Android.Support.v4 (>= 28.0.0.3)
      Xamarin.AndroidX.AppCompat (>= 1.1)
      Xamarin.AndroidX.Legacy.Support.Core.UI (>= 1.0)
      Xamarin.AndroidX.Legacy.Support.V4 (>= 1.0)
      Xamarin.AndroidX.Lifecycle.LiveData (>= 2.1)
      Xamarin.AndroidX.Migration (>= 1.0)
      Xamarin.Forms (>= 4.5.0.356)
      Xamarin.GooglePlayServices.Maps (>= 71.1610)
    Xamarin.Forms.PancakeView (1.3.6)
      Xamarin.Forms (>= 3.6.0.220655)
    Xamarin.Google.Android.Material (1.0)
    Xamarin.GooglePlayServices.Maps (71.1610)

GROUP gtkapp
RESTRICTION: == net471
NUGET
  remote: https://api.nuget.org/v3/index.json
    FSharp.Core (4.7.1)
    FSharp.Data (3.3.3)
      FSharp.Core (>= 4.0.0.1)
    Microsoft.NETCore.Platforms (3.1)
    Microsoft.NETCore.UniversalWindowsPlatform (6.2.10)
    Microsoft.UI.Xaml (2.3.200213001)
    NETStandard.Library (2.0.3)
      Microsoft.NETCore.Platforms (>= 1.1)
    Newtonsoft.Json (12.0.3)
    OpenTK (3.1)
    OxyPlot.Core (1.0)
    OxyPlot.GtkSharp (1.0)
      OxyPlot.Core (1.0)
    OxyPlot.Xamarin.Forms (1.0)
      OxyPlot.Core (>= 1.0)
      Xamarin.Forms (>= 2.3.3.180)
    Plugin.MediaManager (0.9.7)
    Plugin.MediaManager.Forms (0.9.7)
      Plugin.MediaManager (>= 0.9.7)
      Xamarin.Forms (>= 4.5.0.356)
    SkiaSharp (1.68.1.1)
      System.Memory (>= 4.5.3)
    SkiaSharp.Views.Desktop.Common (1.68.1.1)
      SkiaSharp (>= 1.68.1.1)
    SkiaSharp.Views.Gtk2 (1.68.1.1)
      SkiaSharp (>= 1.68.1.1)
      SkiaSharp.Views.Desktop.Common (>= 1.68.1.1)
    System.Buffers (4.5.1)
    System.Memory (4.5.4)
      System.Buffers (>= 4.5.1)
      System.Numerics.Vectors (>= 4.5)
      System.Runtime.CompilerServices.Unsafe (>= 4.5.3)
    System.Numerics.Vectors (4.5)
    System.Runtime.CompilerServices.Unsafe (4.7.1)
    System.ValueTuple (4.5)
    Win2D.uwp (1.24)
    Xamarin.Android.Support.v4 (28.0.0.3)
    Xamarin.AndroidX.AppCompat (1.1)
    Xamarin.AndroidX.Browser (1.2)
    Xamarin.AndroidX.Legacy.Support.Core.UI (1.0)
    Xamarin.AndroidX.Legacy.Support.V4 (1.0)
    Xamarin.AndroidX.Lifecycle.LiveData (2.2)
    Xamarin.AndroidX.Migration (1.0.1)
    Xamarin.Essentials (1.5.1)
      System.Numerics.Vectors (>= 4.5)
    Xamarin.FFImageLoading (2.4.11.982)
    Xamarin.FFImageLoading.Forms (2.4.11.982)
      Xamarin.FFImageLoading (>= 2.4.11.982)
      Xamarin.Forms (>= 3.3.0.912540)
    Xamarin.Forms (4.5.0.495)
      Microsoft.NETCore.UniversalWindowsPlatform (>= 6.0.15)
      Microsoft.UI.Xaml (>= 2.1.190606001)
      NETStandard.Library (>= 2.0.1)
      System.ValueTuple (>= 4.5)
      Win2D.uwp (>= 1.20)
      Xamarin.AndroidX.Browser (>= 1.0)
      Xamarin.AndroidX.Legacy.Support.V4 (>= 1.0)
      Xamarin.AndroidX.Lifecycle.LiveData (>= 2.1)
      Xamarin.Google.Android.Material (>= 1.0)
    Xamarin.Forms.Maps (4.5.0.495)
      Xamarin.Android.Support.v4 (>= 28.0.0.3)
      Xamarin.AndroidX.AppCompat (>= 1.1)
      Xamarin.AndroidX.Legacy.Support.Core.UI (>= 1.0)
      Xamarin.AndroidX.Legacy.Support.V4 (>= 1.0)
      Xamarin.AndroidX.Lifecycle.LiveData (>= 2.1)
      Xamarin.AndroidX.Migration (>= 1.0)
      Xamarin.Forms (>= 4.5.0.495)
      Xamarin.GooglePlayServices.Maps (>= 71.1610)
    Xamarin.Forms.Maps.GTK (4.5.0.495)
      Xamarin.Forms (>= 4.5.0.495)
      Xamarin.Forms.Maps (>= 4.5.0.495)
    Xamarin.Forms.PancakeView (1.3.7)
      Xamarin.Forms (>= 3.6.0.220655)
    Xamarin.Forms.Platform.GTK (4.5.0.495)
      OpenTK (>= 3.0.1)
      Xamarin.Forms (>= 4.5.0.495)
    Xamarin.Google.Android.Material (1.0)
    Xamarin.GooglePlayServices.Maps (71.1610)

GROUP iosapp
RESTRICTION: == xamarinios
NUGET
  remote: https://api.nuget.org/v3/index.json
    FSharp.Core (4.7.1)
    FSharp.Data (3.3.3)
      FSharp.Core (>= 4.3.4)
    Microsoft.NETCore.Platforms (3.1)
    Microsoft.NETCore.UniversalWindowsPlatform (6.2.10)
    Microsoft.UI.Xaml (2.3.200213001)
    NETStandard.Library (2.0.3)
      Microsoft.NETCore.Platforms (>= 1.1)
    Newtonsoft.Json (12.0.3)
    OxyPlot.Core (2.0)
      NETStandard.Library (>= 1.6.1)
    OxyPlot.Xamarin.Forms (1.0)
      OxyPlot.Xamarin.iOS (>= 1.0)
      Xamarin.Forms (>= 2.3.3.180)
    OxyPlot.Xamarin.iOS (1.0)
      OxyPlot.Core (>= 1.0)
    Plugin.MediaManager (0.9.7)
    Plugin.MediaManager.Forms (0.9.7)
      Plugin.MediaManager (>= 0.9.7)
      Xamarin.Forms (>= 4.5.0.356)
    SkiaSharp (1.68.1.1)
    SkiaSharp.Views (1.68.1.1)
      SkiaSharp (>= 1.68.1.1)
    SkiaSharp.Views.Forms (1.68.1.1)
      SkiaSharp (>= 1.68.1.1)
      SkiaSharp.Views (>= 1.68.1.1)
      Xamarin.Forms (>= 4.0.0.540366)
    System.ValueTuple (4.5)
    WebP.Touch (1.0.8)
    Win2D.uwp (1.24)
    Xamarin.Android.Support.v4 (28.0.0.3)
    Xamarin.AndroidX.AppCompat (1.1)
    Xamarin.AndroidX.Browser (1.2)
    Xamarin.AndroidX.Legacy.Support.Core.UI (1.0)
    Xamarin.AndroidX.Legacy.Support.V4 (1.0)
    Xamarin.AndroidX.Lifecycle.LiveData (2.2)
    Xamarin.AndroidX.Migration (1.0.1)
    Xamarin.Essentials (1.5.1)
    Xamarin.FFImageLoading (2.4.11.982)
      WebP.Touch (>= 1.0.8)
    Xamarin.FFImageLoading.Forms (2.4.11.982)
      Xamarin.FFImageLoading (>= 2.4.11.982)
      Xamarin.Forms (>= 3.3.0.912540)
    Xamarin.Forms (4.5.0.495)
      Microsoft.NETCore.UniversalWindowsPlatform (>= 6.0.15)
      Microsoft.UI.Xaml (>= 2.1.190606001)
      NETStandard.Library (>= 2.0.1)
      System.ValueTuple (>= 4.5)
      Win2D.uwp (>= 1.20)
      Xamarin.AndroidX.Browser (>= 1.0)
      Xamarin.AndroidX.Legacy.Support.V4 (>= 1.0)
      Xamarin.AndroidX.Lifecycle.LiveData (>= 2.1)
      Xamarin.Google.Android.Material (>= 1.0)
    Xamarin.Forms.Maps (4.5.0.495)
      Xamarin.Android.Support.v4 (>= 28.0.0.3)
      Xamarin.AndroidX.AppCompat (>= 1.1)
      Xamarin.AndroidX.Legacy.Support.Core.UI (>= 1.0)
      Xamarin.AndroidX.Legacy.Support.V4 (>= 1.0)
      Xamarin.AndroidX.Lifecycle.LiveData (>= 2.1)
      Xamarin.AndroidX.Migration (>= 1.0)
      Xamarin.Forms (>= 4.5.0.495)
      Xamarin.GooglePlayServices.Maps (>= 71.1610)
    Xamarin.Forms.PancakeView (1.3.7)
      Xamarin.Forms (>= 3.6.0.220655)
    Xamarin.Google.Android.Material (1.0)
    Xamarin.GooglePlayServices.Maps (71.1610)

GROUP macosapp
RESTRICTION: == xamarinmac
NUGET
  remote: https://api.nuget.org/v3/index.json
    FSharp.Core (4.7.1)
    FSharp.Data (3.3.3)
      FSharp.Core (>= 4.3.4)
    Microsoft.NETCore.Platforms (3.1)
    Microsoft.NETCore.UniversalWindowsPlatform (6.2.10)
    Microsoft.UI.Xaml (2.3.200213001)
    NETStandard.Library (2.0.3)
      Microsoft.NETCore.Platforms (>= 1.1)
    Newtonsoft.Json (12.0.3)
    OxyPlot.Core (2.0)
      NETStandard.Library (>= 1.6.1)
    OxyPlot.Xamarin.Forms (1.0)
      OxyPlot.Core (>= 1.0)
      Xamarin.Forms (>= 2.3.3.180)
    Plugin.MediaManager (0.9.7)
    Plugin.MediaManager.Forms (0.9.7)
      Plugin.MediaManager (>= 0.9.7)
      Xamarin.Forms (>= 4.5.0.356)
    SkiaSharp (1.68.1.1)
    SkiaSharp.Views (1.68.1.1)
      SkiaSharp (>= 1.68.1.1)
    SkiaSharp.Views.Forms (1.68.1.1)
      SkiaSharp (>= 1.68.1.1)
      SkiaSharp.Views (>= 1.68.1.1)
      Xamarin.Forms (>= 4.0.0.540366)
    System.Numerics.Vectors (4.5)
    System.ValueTuple (4.5)
    WebP.Touch (1.0.8)
    Win2D.uwp (1.24)
    Xamarin.Android.Support.v4 (28.0.0.3)
    Xamarin.AndroidX.AppCompat (1.1)
    Xamarin.AndroidX.Browser (1.2)
    Xamarin.AndroidX.Legacy.Support.Core.UI (1.0)
    Xamarin.AndroidX.Legacy.Support.V4 (1.0)
    Xamarin.AndroidX.Lifecycle.LiveData (2.2)
    Xamarin.AndroidX.Migration (1.0.1)
    Xamarin.Essentials (1.5.1)
      System.Numerics.Vectors (>= 4.5)
    Xamarin.FFImageLoading (2.4.11.982)
      WebP.Touch (>= 1.0.8)
    Xamarin.FFImageLoading.Forms (2.4.11.982)
      Xamarin.FFImageLoading (>= 2.4.11.982)
      Xamarin.Forms (>= 3.3.0.912540)
    Xamarin.Forms (4.5.0.495)
      Microsoft.NETCore.UniversalWindowsPlatform (>= 6.0.15)
      Microsoft.UI.Xaml (>= 2.1.190606001)
      NETStandard.Library (>= 2.0.1)
      System.ValueTuple (>= 4.5)
      Win2D.uwp (>= 1.20)
      Xamarin.AndroidX.Browser (>= 1.0)
      Xamarin.AndroidX.Legacy.Support.V4 (>= 1.0)
      Xamarin.AndroidX.Lifecycle.LiveData (>= 2.1)
      Xamarin.Google.Android.Material (>= 1.0)
    Xamarin.Forms.Maps (4.5.0.495)
      Xamarin.Android.Support.v4 (>= 28.0.0.3)
      Xamarin.AndroidX.AppCompat (>= 1.1)
      Xamarin.AndroidX.Legacy.Support.Core.UI (>= 1.0)
      Xamarin.AndroidX.Legacy.Support.V4 (>= 1.0)
      Xamarin.AndroidX.Lifecycle.LiveData (>= 2.1)
      Xamarin.AndroidX.Migration (>= 1.0)
      Xamarin.Forms (>= 4.5.0.495)
      Xamarin.GooglePlayServices.Maps (>= 71.1610)
    Xamarin.Forms.PancakeView (1.3.7)
      Xamarin.Forms (>= 3.6.0.220655)
    Xamarin.Google.Android.Material (1.0)
    Xamarin.GooglePlayServices.Maps (71.1610)

GROUP neutral
RESTRICTION: == netstandard2.0
GITHUB
  remote: fsprojects/FSharp.Compiler.PortaCode
    src/CodeModel.fs (f78f51113d199d48f23191fbd5f5c6776c7df7d8)
    src/FromCompilerService.fs (f78f51113d199d48f23191fbd5f5c6776c7df7d8)
    src/Interpreter.fs (f78f51113d199d48f23191fbd5f5c6776c7df7d8)
    src/ProcessCommandLine.fs (f78f51113d199d48f23191fbd5f5c6776c7df7d8)
    src/ProjectCracker.fs (f78f51113d199d48f23191fbd5f5c6776c7df7d8)
    tests/PortaCodeTests.fs (f78f51113d199d48f23191fbd5f5c6776c7df7d8)
GROUP wpfapp
RESTRICTION: == net472
NUGET
  remote: https://api.nuget.org/v3/index.json
    FSharp.Core (4.7.1)
    FSharp.Data (3.3.3)
      FSharp.Core (>= 4.0.0.1)
    Microsoft.Maps.MapControl.WPF (1.0.0.3)
    Microsoft.NETCore.Platforms (3.1)
    Microsoft.NETCore.UniversalWindowsPlatform (6.2.10)
    Microsoft.UI.Xaml (2.3.200213001)
    NETStandard.Library (2.0.3)
      Microsoft.NETCore.Platforms (>= 1.1)
    Newtonsoft.Json (12.0.3)
    OpenTK (3.1)
    OpenTK.GLControl (3.1)
      OpenTK (>= 3.1)
    OxyPlot.Core (2.0)
    OxyPlot.Xamarin.Forms (1.0)
      OxyPlot.Core (>= 1.0)
      Xamarin.Forms (>= 2.3.3.180)
    Plugin.MediaManager (0.9.7)
    Plugin.MediaManager.Forms (0.9.7)
      Plugin.MediaManager (>= 0.9.7)
      Xamarin.Forms (>= 4.5.0.356)
      Xamarin.Forms.Platform.WPF (>= 4.5.0.356)
    SkiaSharp (1.68.1.1)
      System.Memory (>= 4.5.3)
    SkiaSharp.Views.Desktop.Common (1.68.1.1)
      SkiaSharp (>= 1.68.1.1)
    SkiaSharp.Views.Forms (1.68.1.1)
      SkiaSharp (>= 1.68.1.1)
      Xamarin.Forms (>= 4.0.0.540366)
    SkiaSharp.Views.Forms.WPF (1.68.1.1)
      OpenTK (>= 3.0.1)
      OpenTK.GLControl (>= 3.0.1)
      SkiaSharp (>= 1.68.1.1)
      SkiaSharp.Views.Desktop.Common (>= 1.68.1.1)
      SkiaSharp.Views.Forms (>= 1.68.1.1)
      SkiaSharp.Views.WindowsForms (>= 1.68.1.1)
      SkiaSharp.Views.WPF (>= 1.68.1.1)
      Xamarin.Forms (>= 4.0.0.540366)
      Xamarin.Forms.Platform.WPF (>= 4.0.0.540366)
    SkiaSharp.Views.WindowsForms (1.68.1.1)
      OpenTK (>= 3.0.1)
      OpenTK.GLControl (>= 3.0.1)
      SkiaSharp (>= 1.68.1.1)
      SkiaSharp.Views.Desktop.Common (>= 1.68.1.1)
    SkiaSharp.Views.WPF (1.68.1.1)
      SkiaSharp (>= 1.68.1.1)
      SkiaSharp.Views.Desktop.Common (>= 1.68.1.1)
    System.Buffers (4.5.1)
    System.Memory (4.5.4)
      System.Buffers (>= 4.5.1)
      System.Numerics.Vectors (>= 4.5)
      System.Runtime.CompilerServices.Unsafe (>= 4.5.3)
    System.Numerics.Vectors (4.5)
    System.Runtime.CompilerServices.Unsafe (4.7.1)
    System.ValueTuple (4.5)
    Win2D.uwp (1.24)
    Xamarin.Android.Support.v4 (28.0.0.3)
    Xamarin.AndroidX.AppCompat (1.1)
    Xamarin.AndroidX.Browser (1.2)
    Xamarin.AndroidX.Legacy.Support.Core.UI (1.0)
    Xamarin.AndroidX.Legacy.Support.V4 (1.0)
    Xamarin.AndroidX.Lifecycle.LiveData (2.2)
    Xamarin.AndroidX.Migration (1.0.1)
    Xamarin.Essentials (1.5.1)
      System.Numerics.Vectors (>= 4.5)
    Xamarin.FFImageLoading (2.4.11.982)
    Xamarin.FFImageLoading.Forms (2.4.11.982)
      Xamarin.FFImageLoading (>= 2.4.11.982)
      Xamarin.Forms (>= 3.3.0.912540)
    Xamarin.Forms (4.5.0.495)
      Microsoft.NETCore.UniversalWindowsPlatform (>= 6.0.15)
      Microsoft.UI.Xaml (>= 2.1.190606001)
      NETStandard.Library (>= 2.0.1)
      System.ValueTuple (>= 4.5)
      Win2D.uwp (>= 1.20)
      Xamarin.AndroidX.Browser (>= 1.0)
      Xamarin.AndroidX.Legacy.Support.V4 (>= 1.0)
      Xamarin.AndroidX.Lifecycle.LiveData (>= 2.1)
      Xamarin.Google.Android.Material (>= 1.0)
    Xamarin.Forms.Maps (4.5.0.495)
      Xamarin.Android.Support.v4 (>= 28.0.0.3)
      Xamarin.AndroidX.AppCompat (>= 1.1)
      Xamarin.AndroidX.Legacy.Support.Core.UI (>= 1.0)
      Xamarin.AndroidX.Legacy.Support.V4 (>= 1.0)
      Xamarin.AndroidX.Lifecycle.LiveData (>= 2.1)
      Xamarin.AndroidX.Migration (>= 1.0)
      Xamarin.Forms (>= 4.5.0.495)
      Xamarin.GooglePlayServices.Maps (>= 71.1610)
    Xamarin.Forms.Maps.WPF (4.5.0.495)
      Microsoft.Maps.MapControl.WPF (>= 1.0.0.3)
    Xamarin.Forms.PancakeView (1.3.7)
      Xamarin.Forms (>= 3.6.0.220655)
    Xamarin.Forms.Platform.WPF (4.5.0.495)
      OpenTK (>= 3.0.1)
      OpenTK.GLControl (>= 3.0.1)
      Xamarin.Forms (>= 4.5.0.495)
    Xamarin.Google.Android.Material (1.0)
    Xamarin.GooglePlayServices.Maps (71.1610)
